{
  "AcquisitionMatrixPE": 104,
  "AcquisitionNumber": 1,
  "AcquisitionTime": "09:19:4.227500",
  "BandwidthPerPixelPhaseEncode": 17.17,
  "BaseResolution": 104,
  "BodyPartExamined": "BRAIN",
  "CoilString": "HC1-7;NC1_2",
  "ConsistencyInfo": "N4_VE11C_LATEST_20160120",
  "ConversionSoftware": "dcm2niix",
  "ConversionSoftwareVersion": "v1.0.20190720  (JP2:OpenJPEG) GCC7.3.0",
  "DerivedVendorReportedEchoSpacing": 0.000560011,
  "DeviceSerialNumber": "167006",
  "DwellTime": 2.1e-06,
  "EchoTime": 0.037,
  "EchoTrainLength": 104,
  "EffectiveEchoSpacing": 0.000560011,
  "FlipAngle": 52,
  "ImageComments": "Unaliased_MB4_PE3_LB",
  "ImageOrientationPatientDICOM": [0.996934, 0.00300483, -0.078188, -0.0194902, 0.977302, -0.21095],
  "ImageType": [
    "ORIGINAL",
    "PRIMARY",
    "M",
    "MB",
    "ND",
    "MOSAIC"
],
  "ImagingFrequency": 123.259,
  "InPlanePhaseEncodingDirectionDICOM": "COL",
  "InstitutionAddress": "Chemin_Queen-Mary_4565_Montreal_District_CA_H3W_1W5",
  "InstitutionName": "IUGM",
  "InstitutionalDepartmentName": "Department",
  "MRAcquisitionType": "2D",
  "MagneticFieldStrength": 3,
  "Manufacturer": "Siemens",
  "ManufacturersModelName": "Prisma_fit",
  "Modality": "MR",
  "MultibandAccelerationFactor": 4,
  "PartialFourier": 1,
  "PatientPosition": "HFS",
  "PercentPhaseFOV": 100,
  "PhaseEncodingDirection": "j",
  "PhaseEncodingSteps": 104,
  "PhaseResolution": 1,
  "PixelBandwidth": 2290,
  "ProcedureStepDescription": "video_friends",
  "ProtocolName": "func_task-s01e05a",
  "PulseSequenceDetails": "%CustomerSeq%_cmrr_mbep2d_bold",
  "ReceiveCoilActiveElements": "HC1-7;NC1,2",
  "ReceiveCoilName": "HeadNeck_64",
  "ReconMatrixPE": 104,
  "RepetitionTime": 1.49,
  "SAR": 0.034848,
  "ScanOptions": "FS",
  "ScanningSequence": "EP",
  "SequenceName": "epfid2d1_104",
  "SequenceVariant": "SK_SS",
  "SeriesDescription": "func_task-s01e06a",
  "SeriesNumber": 9,
  "ShimSetting": [603, -7260, -8829, 611, -39, -329, 62, 53],
  "SliceThickness": 2,
  "SliceTiming": [0, 0.7825, 0.0975, 0.8825, 0.195, 0.98, 0.295, 1.0775, 0.3925, 1.175, 0.49, 1.2725, 0.5875, 1.3725, 0.685, 0, 0.7825, 0.0975, 0.8825, 0.195, 0.98, 0.295, 1.0775, 0.3925, 1.175, 0.49, 1.2725, 0.5875, 1.3725, 0.685, 0, 0.7825, 0.0975, 0.8825, 0.195, 0.98, 0.295, 1.0775, 0.3925, 1.175, 0.49, 1.2725, 0.5875, 1.3725, 0.685, 0, 0.7825, 0.0975, 0.8825, 0.195, 0.98, 0.295, 1.0775, 0.3925, 1.175, 0.49, 1.2725, 0.5875, 1.3725, 0.685],
  "SoftwareVersions": "syngo_MR_E11",
  "SpacingBetweenSlices": 2,
  "StationName": "MRC35049",
  "TaskName": "friends",
  "TotalReadoutTime": 0.0576811,
  "TxRefAmp": 219.639,
  "WipMemBlock": "d9497b39-248b-462d-8b22-9e18ad3e9533||Sequence: R016 ve11c/master r/e634e98; Dec 19 2017 11:00:25 by eja",
  "dcmmeta_affine": [
    [-1.9938682317733765, -0.03898036107420921, -0.15155892074108124, 104.895751953125],
    [-0.006009668577462435, 1.9546048641204834, -0.4236551523208618, -83.07260131835938],
    [-0.15637601912021637, 0.4219008684158325, 1.948729395866394, -46.50136184692383],
    [0.0, 0.0, 0.0, 1.0]
],
  "dcmmeta_reorient_transform": [
    [0.0, -1.0, 0.0, 103.0],
    [1.0, 0.0, 0.0, 0.0],
    [0.0, 0.0, 1.0, 0.0],
    [0.0, 0.0, 0.0, 1.0]
],
  "dcmmeta_shape": [104, 104, 60, 30],
  "dcmmeta_slice_dim": 2,
  "dcmmeta_version": 0.6,
  "global": {
    "const": {
      "AcquisitionMatrix": [104, 0, 0, 104],
      "AngioFlag": "N",
      "BitsAllocated": 16,
      "BitsStored": 16,
      "BodyPartExamined": "BRAIN",
      "Columns": 832,
      "EchoNumbers": 1,
      "EchoTime": 37.0,
      "EchoTrainLength": 104,
      "FlipAngle": 52.0,
      "HighBit": 15,
      "ImageOrientationPatient": [0.996934103273, 0.00300483427926, -0.0781880086856, -0.0194901806177, 0.97730243521955, -0.2109504277631],
      "ImagePositionPatient": [-812.45995299848, -831.91539569005, 207.44720851371],
      "ImageType": [
        "ORIGINAL",
        "PRIMARY",
        "M",
        "MB",
        "ND",
        "MOSAIC"
],
      "ImagedNucleus": "1H",
      "ImagingFrequency": 123.259418,
      "InPlanePhaseEncodingDirection": "COL",
      "MRAcquisitionType": "2D",
      "MagneticFieldStrength": 3.0,
      "Manufacturer": "SIEMENS",
      "ManufacturerModelName": "Prisma_fit",
      "Modality": "MR",
      "NumberOfAverages": 1.0,
      "NumberOfPhaseEncodingSteps": 104,
      "PercentPhaseFieldOfView": 100.0,
      "PercentSampling": 100.0,
      "PerformedProcedureStepStartTime": "091528.270000",
      "PhotometricInterpretation": "MONOCHROME2",
      "PixelBandwidth": 2290.0,
      "PixelRepresentation": 0,
      "PixelSpacing": [2.0, 2.0],
      "ProtocolName": "func_task-s01e05a",
      "RepetitionTime": 1490.0,
      "Rows": 832,
      "SAR": 0.03484795202292,
      "SamplesPerPixel": 1,
      "ScanOptions": "FS",
      "ScanningSequence": "EP",
      "SequenceName": "epfid2d1_104",
      "SequenceVariant": [
        "SK",
        "SS"
],
      "SeriesDescription": "func_task-s01e06a",
      "SeriesNumber": 9,
      "SeriesTime": "092028.950000",
      "SliceLocation": -35.661161329333,
      "SliceThickness": 2.0,
      "SmallestImagePixelValue": 0,
      "SoftwareVersions": "syngo MR E11",
      "SpacingBetweenSlices": 1.9999999838407,
      "SpecificCharacterSet": "ISO_IR 100",
      "StudyID": "1",
      "StudyTime": "091528.164000",
      "TransmitCoilName": "Body",
      "VariableFlipAngleFlag": "N",
      "WindowCenterWidthExplanation": "Algo1",
      "dBdt": 0.0},
    "slices": {}
  },
  "time": {
    "samples": {
      "AcquisitionNumber": [1, 2, 3, 4, 5, 6, 7, 8, 9, 10, 11, 12, 13, 14, 15, 16, 17, 18, 19, 20, 21, 22, 23, 24, 25, 26, 27, 28, 29, 30],
      "AcquisitionTime": ["091904.227500", "091905.717500", "091907.207500", "091908.697500", "091910.187500", "091911.677500", "091913.167500", "091914.657500", "091916.147500", "091917.637500", "091919.127500", "091920.617500", "091922.107500", "091923.597500", "091925.087500", "091926.577500", "091928.067500", "091929.557500", "091931.047500", "091932.537500", "091934.027500", "091935.517500", "091937.007500", "091938.497500", "091939.987500", "091941.477500", "091942.967500", "091944.457500", "091945.947500", "091947.437500"],
      "ContentTime": ["092028.954000", "092028.958000", "092028.961000", "092028.964000", "092028.967000", "092028.970000", "092028.973000", "092028.975000", "092028.978000", "092028.981000", "092028.984000", "092028.987000", "092028.990000", "092028.993000", "092028.995000", "092028.998000", "092029.002000", "092029.005000", "092029.008000", "092029.010000", "092029.013000", "092029.016000", "092029.019000", "092029.023000", "092029.026000", "092029.029000", "092029.032000", "092029.034000", "092031.330000", "092031.333000"],
      "InstanceCreationTime": ["092028.954000", "092028.958000", "092028.961000", "092028.964000", "092028.967000", "092028.970000", "092028.973000", "092028.975000", "092028.978000", "092028.981000", "092028.984000", "092028.987000", "092028.990000", "092028.993000", "092028.995000", "092028.998000", "092029.002000", "092029.005000", "092029.008000", "092029.010000", "092029.013000", "092029.016000", "092029.019000", "092029.023000", "092029.026000", "092029.029000", "092029.032000", "092029.034000", "092031.330000", "092031.333000"],
      "InstanceNumber": [1, 2, 3, 4, 5, 6, 7, 8, 9, 10, 11, 12, 13, 14, 15, 16, 17, 18, 19, 20, 21, 22, 23, 24, 25, 26, 27, 28, 29, 30],
      "LargestImagePixelValue": [45210, 44250, 42565, 43123, 42046, 42630, 42168, 42777, 41923, 43047, 42670, 42728, 42212, 42737, 42070, 42589, 42416, 41844, 42579, 42466, 42736, 42252, 41867, 41904, 41690, 41890, 42052, 41763, 42053, 42077],
      "WindowCenter": [10144.0, 10096.0, 10064.0, 10053.0, 10036.0, 10030.0, 10028.0, 10032.0, 10025.0, 10028.0, 10023.0, 10026.0, 10024.0, 10036.0, 10041.0, 10045.0, 10046.0, 10050.0, 10057.0, 10065.0, 10056.0, 10066.0, 10073.0, 10075.0, 10073.0, 10076.0, 10063.0, 10061.0, 10067.0, 10075.0],
      "WindowWidth": [21729.0, 21590.0, 21505.0, 21466.0, 21426.0, 21405.0, 21397.0, 21405.0, 21394.0, 21396.0, 21388.0, 21390.0, 21389.0, 21415.0, 21433.0, 21438.0, 21442.0, 21451.0, 21463.0, 21486.0, 21463.0, 21489.0, 21506.0, 21509.0, 21510.0, 21514.0, 21486.0, 21480.0, 21492.0, 21509.0]
    },
    "slices": {}
  }
}