{
  "AcquisitionMatrixPE": 104,
  "AcquisitionNumber": 1,
  "AcquisitionTime": "11:48:0.375000",
  "BandwidthPerPixelPhaseEncode": 17.17,
  "BaseResolution": 104,
  "BodyPartExamined": "BRAIN",
  "CogAtlasID": "http://www.cognitiveatlas.org/task/id/TODO",
  "CoilString": "HC1-7;NC1_2",
  "ConsistencyInfo": "N4_VE11C_LATEST_20160120",
  "ConversionSoftware": "dcm2niix",
  "ConversionSoftwareVersion": "v1.0.20190902",
  "DerivedVendorReportedEchoSpacing": 0.000560011,
  "DeviceSerialNumber": "167006",
  "DwellTime": 2.1e-06,
  "EchoTime": 0.037,
  "EchoTrainLength": 104,
  "EffectiveEchoSpacing": 0.000560011,
  "FlipAngle": 52,
  "HeudiconvVersion": "0.10.0",
  "ImageComments": "Unaliased_MB4_PE3_LB",
  "ImageOrientationPatientDICOM": [0.99965, 0.0125851, 0.0232809, 0.000872328, 0.863546, -0.504269],
  "ImageType": [
    "ORIGINAL",
    "PRIMARY",
    "M",
    "MB",
    "ND",
    "MOSAIC"
],
  "ImagingFrequency": 123.259,
  "InPlanePhaseEncodingDirectionDICOM": "COL",
  "InstitutionAddress": "Chemin_Queen-Mary_4565_Montreal_District_CA_H3W_1W5",
  "InstitutionName": "IUGM",
  "InstitutionalDepartmentName": "Department",
  "MRAcquisitionType": "2D",
  "MagneticFieldStrength": 3,
  "Manufacturer": "Siemens",
  "ManufacturersModelName": "Prisma_fit",
  "Modality": "MR",
  "MultibandAccelerationFactor": 4,
  "PartialFourier": 1,
  "PatientPosition": "HFS",
  "PercentPhaseFOV": 100,
  "PhaseEncodingDirection": "j",
  "PhaseEncodingSteps": 104,
  "PhaseResolution": 1,
  "PixelBandwidth": 2290,
  "ProcedureStepDescription": "video_friends",
  "ProtocolName": "func_task-friends-s06e14b",
  "PulseSequenceDetails": "%CustomerSeq%_cmrr_mbep2d_bold",
  "ReceiveCoilActiveElements": "HC1-7;NC1,2",
  "ReceiveCoilName": "HeadNeck_64",
  "ReconMatrixPE": 104,
  "RepetitionTime": 1.49,
  "SAR": 0.0589353,
  "ScanOptions": "FS",
  "ScanningSequence": "EP",
  "SequenceName": "epfid2d1_104",
  "SequenceVariant": "SK_SS",
  "SeriesDescription": "func_task-friends-s06e14b",
  "SeriesNumber": 15,
  "ShimSetting": [622, -7197, -8865, 258, -4, -223, 20, 20],
  "SliceThickness": 2,
  "SliceTiming": [0, 0.7825, 0.0975, 0.88, 0.195, 0.98, 0.2925, 1.0775, 0.39, 1.175, 0.49, 1.2725, 0.5875, 1.37, 0.685, 0, 0.7825, 0.0975, 0.88, 0.195, 0.98, 0.2925, 1.0775, 0.39, 1.175, 0.49, 1.2725, 0.5875, 1.37, 0.685, 0, 0.7825, 0.0975, 0.88, 0.195, 0.98, 0.2925, 1.0775, 0.39, 1.175, 0.49, 1.2725, 0.5875, 1.37, 0.685, 0, 0.7825, 0.0975, 0.88, 0.195, 0.98, 0.2925, 1.0775, 0.39, 1.175, 0.49, 1.2725, 0.5875, 1.37, 0.685],
  "SoftwareVersions": "syngo_MR_E11",
  "SpacingBetweenSlices": 2,
  "StationName": "MRC35049",
  "TaskName": "TODO: full task name for s06e14b",
  "TotalReadoutTime": 0.0576811,
  "TxRefAmp": 293.458,
  "WipMemBlock": "c8801f39-f0e4-4eb8-b01d-a7293d68120f||Sequence: R016 ve11c/master r/e634e98; Dec 19 2017 11:00:25 by eja",
  "dcmmeta_affine": [
    [-1.9992995262145996, 0.0017446557758376002, 0.05290075019001961, 101.59974670410156],
    [-0.025170182809233665, 1.7270920276641846, -1.0082260370254517, -59.03706741333008],
    [0.04656173288822174, 1.0085387229919434, 1.726465106010437, -99.18464660644531],
    [0.0, 0.0, 0.0, 1.0]
],
  "dcmmeta_reorient_transform": [
    [0.0, -1.0, 0.0, 103.0],
    [1.0, 0.0, 0.0, 0.0],
    [0.0, 0.0, 1.0, 0.0],
    [0.0, 0.0, 0.0, 1.0]
],
  "dcmmeta_shape": [104, 104, 60, 24],
  "dcmmeta_slice_dim": 2,
  "dcmmeta_version": 0.6,
  "global": {
    "const": {
      "AcquisitionMatrix": [104, 0, 0, 104],
      "AngioFlag": "N",
      "BitsAllocated": 16,
      "BitsStored": 16,
      "BodyPartExamined": "BRAIN",
      "Columns": 832,
      "EchoNumbers": 1,
      "EchoTime": 37.0,
      "EchoTrainLength": 104,
      "FlipAngle": 52.0,
      "HighBit": 15,
      "ImageOrientationPatient": [0.99964974702687, 0.01258509110741, 0.02328086662769, 0.00087232790135, 0.86354598631215, -0.5042693412931],
      "ImagePositionPatient": [-830.15951311075, -756.67683140697, 354.85444995362],
      "ImageType": [
        "ORIGINAL",
        "PRIMARY",
        "M",
        "MB",
        "ND",
        "MOSAIC"
],
      "ImagedNucleus": "1H",
      "ImagingFrequency": 123.258871,
      "InPlanePhaseEncodingDirection": "COL",
      "MRAcquisitionType": "2D",
      "MagneticFieldStrength": 3.0,
      "Manufacturer": "SIEMENS",
      "ManufacturerModelName": "Prisma_fit",
      "Modality": "MR",
      "NumberOfAverages": 1.0,
      "NumberOfPhaseEncodingSteps": 104,
      "PercentPhaseFieldOfView": 100.0,
      "PercentSampling": 100.0,
      "PerformedProcedureStepStartTime": "103159.817000",
      "PhotometricInterpretation": "MONOCHROME2",
      "PixelBandwidth": 2290.0,
      "PixelRepresentation": 0,
      "PixelSpacing": [2.0, 2.0],
      "ProtocolName": "func_task-friends-s06e14b",
      "RepetitionTime": 1490.0,
      "Rows": 832,
      "SAR": 0.05893533777578,
      "SamplesPerPixel": 1,
      "ScanOptions": "FS",
      "ScanningSequence": "EP",
      "SequenceName": "epfid2d1_104",
      "SequenceVariant": [
        "SK",
        "SS"
],
      "SeriesDescription": "func_task-friends-s06e14b",
      "SeriesNumber": 15,
      "SeriesTime": "114916.542000",
      "SliceLocation": -53.170707498091,
      "SliceThickness": 2.0,
      "SmallestImagePixelValue": 0,
      "SoftwareVersions": "syngo MR E11",
      "SpacingBetweenSlices": 2.0000000184838,
      "SpecificCharacterSet": "ISO_IR 100",
      "StudyID": "1",
      "StudyTime": "103159.750000",
      "TransmitCoilName": "Body",
      "VariableFlipAngleFlag": "N",
      "WindowCenterWidthExplanation": "Algo1",
      "dBdt": 0.0},
    "slices": {}
  },
  "time": {
    "samples": {
      "AcquisitionNumber": [1, 2, 3, 4, 5, 6, 7, 8, 9, 10, 11, 12, 13, 14, 15, 16, 17, 18, 19, 20, 21, 22, 23, 24],
      "AcquisitionTime": ["114800.375000", "114801.865000", "114803.355000", "114804.845000", "114806.335000", "114807.825000", "114809.315000", "114810.805000", "114812.295000", "114813.785000", "114815.275000", "114816.765000", "114818.255000", "114819.745000", "114821.235000", "114822.725000", "114824.215000", "114825.705000", "114827.195000", "114828.685000", "114830.175000", "114831.665000", "114833.155000", "114834.645000"],
      "ContentTime": ["114916.546000", "114916.549000", "114916.552000", "114916.555000", "114916.566000", "114916.569000", "114916.572000", "114916.579000", "114916.582000", "114916.584000", "114916.587000", "114916.590000", "114916.593000", "114916.599000", "114916.601000", "114916.604000", "114916.607000", "114916.610000", "114916.613000", "114916.615000", "114916.618000", "114916.621000", "114916.624000", "114916.627000"],
      "InstanceCreationTime": ["114916.546000", "114916.549000", "114916.552000", "114916.555000", "114916.566000", "114916.569000", "114916.572000", "114916.579000", "114916.582000", "114916.584000", "114916.587000", "114916.590000", "114916.593000", "114916.599000", "114916.601000", "114916.604000", "114916.607000", "114916.610000", "114916.613000", "114916.615000", "114916.618000", "114916.621000", "114916.624000", "114916.627000"],
      "InstanceNumber": [1, 2, 3, 4, 5, 6, 7, 8, 9, 10, 11, 12, 13, 14, 15, 16, 17, 18, 19, 20, 21, 22, 23, 24],
      "LargestImagePixelValue": [43494, 42440, 41772, 42273, 42367, 42311, 42360, 42348, 43281, 42136, 41471, 43514, 42859, 41645, 42069, 41790, 40583, 41015, 41209, 41418, 43034, 42948, 41880, 42099],
      "WindowCenter": [10624.0, 10594.0, 10529.0, 10454.0, 10432.0, 10434.0, 10429.0, 10403.0, 10420.0, 10462.0, 10473.0, 10514.0, 10512.0, 10469.0, 10441.0, 10480.0, 10492.0, 10485.0, 10455.0, 10414.0, 10426.0, 10452.0, 10490.0, 10516.0],
      "WindowWidth": [22791.0, 22708.0, 22544.0, 22364.0, 22300.0, 22309.0, 22290.0, 22233.0, 22261.0, 22366.0, 22385.0, 22473.0, 22474.0, 22384.0, 22312.0, 22399.0, 22441.0, 22422.0, 22352.0, 22254.0, 22280.0, 22338.0, 22431.0, 22485.0]
    },
    "slices": {}
  }
}