{
  "AcquisitionMatrixPE": 104,
  "AcquisitionNumber": 1,
  "AcquisitionTime": "17:21:15.317500",
  "BandwidthPerPixelPhaseEncode": 17.17,
  "BaseResolution": 104,
  "BodyPartExamined": "BRAIN",
  "CogAtlasID": "http://www.cognitiveatlas.org/task/id/TODO",
  "CoilCombinationMethod": "Sum of Squares",
  "ConsistencyInfo": "N4_VE11C_LATEST_20160120",
  "ConversionSoftware": "dcm2niix",
  "ConversionSoftwareVersion": "v1.0.20230411",
  "DerivedVendorReportedEchoSpacing": 0.000560011,
  "DeviceSerialNumber": "167006",
  "DwellTime": 2.1e-06,
  "EchoTime": 0.037,
  "EchoTrainLength": 104,
  "EffectiveEchoSpacing": 0.000560011,
  "FlipAngle": 52,
  "HeudiconvVersion": "0.5.3.post861+ge7d3c7f",
  "ImageComments": "Unaliased MB4/PE3/LB",
  "ImageOrientationPatientDICOM": [0.99936, -0.0357318, 0.00160936, 0.0343745, 0.947014, -0.319347],
  "ImageOrientationText": "Tra>Cor(-18.6)>Sag(-0.6)",
  "ImageType": [
    "ORIGINAL",
    "PRIMARY",
    "M",
    "MB",
    "ND",
    "MOSAIC"
],
  "ImagingFrequency": 123.249758,
  "InPlanePhaseEncodingDirectionDICOM": "COL",
  "InstitutionAddress": "Chemin Queen-Mary 4565,Montreal,District,CA,H3W 1W5",
  "InstitutionName": "IUGM",
  "InstitutionalDepartmentName": "Department",
  "MRAcquisitionType": "2D",
  "MagneticFieldStrength": 3,
  "Manufacturer": "Siemens",
  "ManufacturersModelName": "Prisma_fit",
  "MatrixCoilMode": "SENSE",
  "Modality": "MR",
  "MultibandAccelerationFactor": 4,
  "NonlinearGradientCorrection": false,
  "PartialFourier": 1,
  "PatientPosition": "HFS",
  "PercentPhaseFOV": 100,
  "PercentSampling": 100,
  "PhaseEncodingDirection": "j",
  "PhaseEncodingSteps": 104,
  "PhaseResolution": 1,
  "PixelBandwidth": 2290,
  "ProcedureStepDescription": "video^friends",
  "ProtocolName": "func_task-friends-s07e13b",
  "PulseSequenceDetails": "%CustomerSeq%\\cmrr_mbep2d_bold",
  "ReceiveCoilActiveElements": "HC1-7;NC1,2",
  "ReceiveCoilName": "HeadNeck_64",
  "ReconMatrixPE": 104,
  "RepetitionTime": 1.49,
  "SAR": 0.0482944,
  "ScanOptions": "FS",
  "ScanningSequence": "EP",
  "SequenceName": "epfid2d1_104",
  "SequenceVariant": "SK\\SS",
  "SeriesDescription": "func_task-friends-s07e13b",
  "SeriesNumber": 14,
  "ShimSetting": [605, -7290, -8819, 490, 46, -208, -98, 30],
  "SliceThickness": 2,
  "SliceTiming": [0, 0.7825, 0.0975, 0.88, 0.195, 0.9775, 0.2925, 1.0775, 0.39, 1.175, 0.4875, 1.2725, 0.5875, 1.37, 0.685, 0, 0.7825, 0.0975, 0.88, 0.195, 0.9775, 0.2925, 1.0775, 0.39, 1.175, 0.4875, 1.2725, 0.5875, 1.37, 0.685, 0, 0.7825, 0.0975, 0.88, 0.195, 0.9775, 0.2925, 1.0775, 0.39, 1.175, 0.4875, 1.2725, 0.5875, 1.37, 0.685, 0, 0.7825, 0.0975, 0.88, 0.195, 0.9775, 0.2925, 1.0775, 0.39, 1.175, 0.4875, 1.2725, 0.5875, 1.37, 0.685],
  "SoftwareVersions": "syngo MR E11",
  "SpacingBetweenSlices": 2,
  "StationName": "MRC35049",
  "TaskName": "TODO: full task name for s07e13b",
  "TotalReadoutTime": 0.0576811,
  "TxRefAmp": 239.582,
  "WipMemBlock": "d95714b1-b3cd-4b56-bbd5-2414927030c1||Sequence: R017 ve11c/master r/75a17815+; Jun 28 2022 16:32:11 by eja",
  "dcmmeta_affine": [
    [-1.9987202882766724, 0.06874899566173553, -0.019773514941334724, 99.77425384521484],
    [0.0714636743068695, 1.8940285444259644, -0.6383954882621765, -79.20675659179688],
    [0.003218724625185132, 0.6386935710906982, 1.8952730894088745, -66.6203842163086],
    [0.0, 0.0, 0.0, 1.0]
],
  "dcmmeta_reorient_transform": [
    [0.0, -1.0, 0.0, 103.0],
    [1.0, 0.0, 0.0, 0.0],
    [0.0, 0.0, 1.0, 0.0],
    [0.0, 0.0, 0.0, 1.0]
],
  "dcmmeta_shape": [104, 104, 60, 574],
  "dcmmeta_slice_dim": 2,
  "dcmmeta_version": 0.6,
  "global": {
    "const": {
      "AcquisitionMatrix": [104, 0, 0, 104],
      "AngioFlag": "N",
      "BitsAllocated": 16,
      "BitsStored": 16,
      "BodyPartExamined": "BRAIN",
      "Columns": 832,
      "EchoNumbers": 1,
      "EchoTime": 37.0,
      "EchoTrainLength": 104,
      "FlipAngle": 52.0,
      "HighBit": 15,
      "ImageOrientationPatient": [0.99936011817681, -0.035731836652, 0.00160936232805, 0.03437449953489, 0.94701427118389, -0.3193467769616],
      "ImagePositionPatient": [-859.41420497883, -779.29179433793, 230.47789030324],
      "ImageType": [
        "ORIGINAL",
        "PRIMARY",
        "M",
        "MB",
        "ND",
        "MOSAIC"
],
      "ImagedNucleus": "1H",
      "ImagingFrequency": 123.249758,
      "InPlanePhaseEncodingDirection": "COL",
      "MRAcquisitionType": "2D",
      "MagneticFieldStrength": 3.0,
      "Manufacturer": "SIEMENS",
      "ManufacturerModelName": "Prisma_fit",
      "Modality": "MR",
      "NumberOfAverages": 1.0,
      "NumberOfPhaseEncodingSteps": 104,
      "PercentPhaseFieldOfView": 100.0,
      "PercentSampling": 100.0,
      "PerformedProcedureStepStartTime": "164734.396000",
      "PhotometricInterpretation": "MONOCHROME2",
      "PixelBandwidth": 2290.0,
      "PixelRepresentation": 0,
      "PixelSpacing": [2.0, 2.0],
      "ProtocolName": "func_task-friends-s07e13b",
      "RepetitionTime": 1490.0,
      "Rows": 832,
      "SAR": 0.04829441759662,
      "SamplesPerPixel": 1,
      "ScanOptions": "FS",
      "ScanningSequence": "EP",
      "SequenceName": "epfid2d1_104",
      "SequenceVariant": [
        "SK",
        "SS"
],
      "SeriesDescription": "func_task-friends-s07e13b",
      "SeriesNumber": 14,
      "SeriesTime": "172242.279000",
      "SliceLocation": -38.835735718909,
      "SliceThickness": 2.0,
      "SmallestImagePixelValue": 0,
      "SoftwareVersions": "syngo MR E11",
      "SpacingBetweenSlices": 1.9999999843272,
      "SpecificCharacterSet": "ISO_IR 100",
      "StudyID": "1",
      "StudyTime": "164734.328000",
      "TransmitCoilName": "Body",
      "VariableFlipAngleFlag": "N",
      "WindowCenterWidthExplanation": "Algo1",
      "dBdt": 0.0},
