{
  "AcquisitionMatrixPE": 104,
  "AcquisitionNumber": 1,
  "AcquisitionTime": "09:34:22.060000",
  "BandwidthPerPixelPhaseEncode": 17.17,
  "BaseResolution": 104,
  "BodyPartExamined": "BRAIN",
  "CoilCombinationMethod": "Sum of Squares",
  "ConsistencyInfo": "N4_VE11C_LATEST_20160120",
  "ConversionSoftware": "dcm2niix",
  "ConversionSoftwareVersion": "v1.0.20230411",
  "DerivedVendorReportedEchoSpacing": 0.000560011,
  "DeviceSerialNumber": "167006",
  "DwellTime": 2.1e-06,
  "EchoTime": 0.037,
  "EchoTrainLength": 104,
  "EffectiveEchoSpacing": 0.000560011,
  "FlipAngle": 52,
  "HeudiconvVersion": "0.5.3.post861+ge7d3c7f",
  "ImageComments": "Single-band reference",
  "ImageOrientationPatientDICOM": [0.999977, -0.000333175, -0.00675295, -0.00122173, 0.973439, -0.228942],
  "ImageOrientationText": "Tra>Cor(-13.2)>Sag(-0.4)",
  "ImageType": [
    "ORIGINAL",
    "PRIMARY",
    "M",
    "ND",
    "MOSAIC"
],
  "ImagingFrequency": 123.249734,
  "InPlanePhaseEncodingDirectionDICOM": "COL",
  "InstitutionAddress": "Chemin Queen-Mary 4565,Montreal,District,CA,H3W 1W5",
  "InstitutionName": "IUGM",
  "InstitutionalDepartmentName": "Department",
  "MRAcquisitionType": "2D",
  "MagneticFieldStrength": 3,
  "Manufacturer": "Siemens",
  "ManufacturersModelName": "Prisma_fit",
  "MatrixCoilMode": "SENSE",
  "Modality": "MR",
  "NonlinearGradientCorrection": false,
  "PartialFourier": 1,
  "PatientPosition": "HFS",
  "PercentPhaseFOV": 100,
  "PercentSampling": 100,
  "PhaseEncodingDirection": "j",
  "PhaseEncodingSteps": 104,
  "PhaseResolution": 1,
  "PixelBandwidth": 2290,
  "ProcedureStepDescription": "video^friends",
  "ProtocolName": "func_task-friends-s07e20b",
  "PulseSequenceDetails": "%CustomerSeq%\\cmrr_mbep2d_bold",
  "ReceiveCoilActiveElements": "HC1-7;NC1,2",
  "ReceiveCoilName": "HeadNeck_64",
  "ReconMatrixPE": 104,
  "RepetitionTime": 1.49,
  "SAR": 0.051842,
  "ScanOptions": "FS",
  "ScanningSequence": "EP",
  "SequenceName": "epfid2d1_104",
  "SequenceVariant": "SK\\SS",
  "SeriesDescription": "func_task-friends-s07e20b_SBRef",
  "SeriesNumber": 13,
  "ShimSetting": [606, -7241, -8778, 662, 87, -21, 27, 37],
  "SliceThickness": 2,
  "SliceTiming": [0, 0.1, 0.1975, 0.295, 0.3925, 0.49, 0.59, 0.6875, 0.785, 0.8825, 0.98, 1.08, 1.1775, 1.275, 1.3725, 1.47, 1.57, 1.6675, 1.765, 1.8625, 1.96, 2.06, 2.1575, 2.255, 2.3525, 2.45, 2.55, 2.6475, 2.745, 2.8425, 2.94, 3.04, 3.1375, 3.235, 3.3325, 3.43, 3.53, 3.6275, 3.725, 3.8225, 3.92, 4.02, 4.1175, 4.215, 4.3125, 4.41, 4.5075, 4.6075, 4.705, 4.8025, 4.9, 4.9975, 5.0975, 5.195, 5.2925, 5.39, 5.4875, 5.5875, 5.685, 5.7825],
  "SoftwareVersions": "syngo MR E11",
  "SpacingBetweenSlices": 2,
  "StationName": "MRC35049",
  "TaskName": "s07e20b",
  "TotalReadoutTime": 0.0576811,
  "TxRefAmp": 228.024,
  "WipMemBlock": "90085394-f573-40a9-9d68-758da581cb36||Sequence: R017 ve11c/master r/75a17815+; Jun 28 2022 16:32:11 by eja",
  "dcmmeta_affine": [
    [-1.999954342842102, -0.0024434695951640606, -0.013299730606377125, 105.40243530273438],
    [0.0006663498352281749, 1.9468786716461182, -0.4578896164894104, -85.41908264160156],
    [-0.013505900278687477, 0.4578835666179657, 1.9468333721160889, -56.779075622558594],
    [0.0, 0.0, 0.0, 1.0]
],
  "dcmmeta_reorient_transform": [
    [0.0, -1.0, 0.0, 103.0],
    [1.0, 0.0, 0.0, 0.0],
    [0.0, 0.0, 1.0, 0.0],
    [0.0, 0.0, 0.0, 1.0]
],
  "dcmmeta_shape": [104, 104, 60],
  "dcmmeta_slice_dim": 2,
  "dcmmeta_version": 0.6,
  "global": {
    "const": {
      "AcquisitionMatrix": [104, 0, 0, 104],
      "AcquisitionNumber": 1,
      "AcquisitionTime": "093422.060000",
      "AngioFlag": "N",
      "BitsAllocated": 16,
      "BitsStored": 16,
      "BodyPartExamined": "BRAIN",
      "Columns": 832,
      "ContentTime": "093600.893000",
      "EchoNumbers": 1,
      "EchoTime": 37.0,
      "EchoTrainLength": 104,
      "FlipAngle": 52.0,
      "HighBit": 15,
      "ImageOrientationPatient": [0.99997714306715, -0.0003331749113, -0.0067529502991, -0.0012217348464, 0.97343934932073, -0.2289417842116],
      "ImagePositionPatient": [-832.24469463743, -823.53071776203, 161.96869706094],
      "ImageType": [
        "ORIGINAL",
        "PRIMARY",
        "M",
        "ND",
        "MOSAIC"
],
      "ImagedNucleus": "1H",
      "ImagingFrequency": 123.249734,
      "InPlanePhaseEncodingDirection": "COL",
      "InstanceCreationTime": "093600.893000",
      "InstanceNumber": 1,
      "LargestImagePixelValue": 54721,
      "MRAcquisitionType": "2D",
      "MagneticFieldStrength": 3.0,
      "Manufacturer": "SIEMENS",
      "ManufacturerModelName": "Prisma_fit",
      "Modality": "MR",
      "NumberOfAverages": 1.0,
      "NumberOfPhaseEncodingSteps": 104,
      "PercentPhaseFieldOfView": 100.0,
      "PercentSampling": 100.0,
      "PerformedProcedureStepStartTime": "090230.749000",
      "PhotometricInterpretation": "MONOCHROME2",
      "PixelBandwidth": 2290.0,
      "PixelRepresentation": 0,
      "PixelSpacing": [2.0, 2.0],
      "ProtocolName": "func_task-friends-s07e20b",
      "RepetitionTime": 1490.0,
      "Rows": 832,
      "SAR": 0.05184199183479,
      "SamplesPerPixel": 1,
      "ScanOptions": "FS",
      "ScanningSequence": "EP",
      "SequenceName": "epfid2d1_104",
      "SequenceVariant": [
        "SK",
        "SS"
],
      "SeriesDescription": "func_task-friends-s07e20b_SBRef",
      "SeriesNumber": 13,
      "SeriesTime": "093600.889000",
      "SliceLocation": -36.41435847089,
      "SliceThickness": 2.0,
      "SmallestImagePixelValue": 0,
      "SoftwareVersions": "syngo MR E11",
      "SpacingBetweenSlices": 2.0000000193807,
      "SpecificCharacterSet": "ISO_IR 100",
      "StudyID": "1",
      "StudyTime": "090230.512000",
      "TransmitCoilName": "Body",
      "VariableFlipAngleFlag": "N",
      "WindowCenter": 11429.0,
      "WindowCenterWidthExplanation": "Algo1",
      "WindowWidth": 24259.0,
      "dBdt": 0.0},
    "slices": {}
  }
}