{
  "AcquisitionMatrixPE": 104,
  "AcquisitionNumber": 1,
  "AcquisitionTime": "13:35:21.145000",
  "BandwidthPerPixelPhaseEncode": 17.17,
  "BaseResolution": 104,
  "BodyPartExamined": "BRAIN",
  "CoilString": "HC1-7;NC1_2",
  "ConsistencyInfo": "N4_VE11C_LATEST_20160120",
  "ConversionSoftware": "dcm2niix",
  "ConversionSoftwareVersion": "v1.0.20190720  (JP2:OpenJPEG) GCC7.3.0",
  "DerivedVendorReportedEchoSpacing": 0.000560011,
  "DeviceSerialNumber": "167006",
  "DwellTime": 2.1e-06,
  "EchoTime": 0.037,
  "EchoTrainLength": 104,
  "EffectiveEchoSpacing": 0.000560011,
  "FlipAngle": 52,
  "ImageComments": "Single-band_reference",
  "ImageOrientationPatientDICOM": [0.9998, -0.00128968, 0.0199564, 0.0115174, 0.852933, -0.521893],
  "ImageType": [
    "ORIGINAL",
    "PRIMARY",
    "M",
    "ND",
    "MOSAIC"
],
  "ImagingFrequency": 123.259,
  "InPlanePhaseEncodingDirectionDICOM": "COL",
  "InstitutionAddress": "Chemin_Queen-Mary_4565_Montreal_District_CA_H3W_1W5",
  "InstitutionName": "IUGM",
  "InstitutionalDepartmentName": "Department",
  "MRAcquisitionType": "2D",
  "MagneticFieldStrength": 3,
  "Manufacturer": "Siemens",
  "ManufacturersModelName": "Prisma_fit",
  "Modality": "MR",
  "PartialFourier": 1,
  "PatientPosition": "HFS",
  "PercentPhaseFOV": 100,
  "PhaseEncodingDirection": "j",
  "PhaseEncodingSteps": 104,
  "PhaseResolution": 1,
  "PixelBandwidth": 2290,
  "ProcedureStepDescription": "video_friends",
  "ProtocolName": "func_task-friends-s01e19b",
  "PulseSequenceDetails": "%CustomerSeq%_cmrr_mbep2d_bold",
  "ReceiveCoilActiveElements": "HC1-7;NC1,2",
  "ReceiveCoilName": "HeadNeck_64",
  "ReconMatrixPE": 104,
  "RepetitionTime": 1.49,
  "SAR": 0.0371791,
  "ScanOptions": "FS",
  "ScanningSequence": "EP",
  "SequenceName": "epfid2d1_104",
  "SequenceVariant": "SK_SS",
  "SeriesDescription": "func_task-friends-s01e19b_SBRef",
  "SeriesNumber": 10,
  "ShimSetting": [630, -7196, -8888, 398, -31, -245, 42, -22],
  "SliceThickness": 2,
  "SliceTiming": [0, 0.0975, 0.1975, 0.295, 0.3925, 0.49, 0.5875, 0.6875, 0.785, 0.8825, 0.98, 1.0775, 1.1775, 1.275, 1.3725, 1.47, 1.5675, 1.6675, 1.765, 1.8625, 1.96, 2.0575, 2.1575, 2.255, 2.3525, 2.45, 2.5475, 2.6475, 2.745, 2.8425, 2.94, 3.0375, 3.1375, 3.235, 3.3325, 3.43, 3.5275, 3.6275, 3.725, 3.8225, 3.92, 4.0175, 4.1175, 4.215, 4.3125, 4.41, 4.5075, 4.605, 4.705, 4.8025, 4.9, 4.9975, 5.095, 5.195, 5.2925, 5.39, 5.4875, 5.585, 5.685, 5.7825],
  "SoftwareVersions": "syngo_MR_E11",
  "SpacingBetweenSlices": 2,
  "StationName": "MRC35049",
  "TaskName": "friends",
  "TotalReadoutTime": 0.0576811,
  "TxRefAmp": 250.713,
  "WipMemBlock": "49d33d8b-8883-432a-928d-444ccd558667||Sequence: R016 ve11c/master r/e634e98; Dec 19 2017 11:00:25 by eja",
  "dcmmeta_affine": [
    [-1.9996000528335571, 0.023034803569316864, 0.032696738839149475, 101.20956420898438],
    [0.0025793639943003654, 1.7058664560317993, -1.044036865234375, -58.4562873840332],
    [0.03991272673010826, 1.0437859296798706, 1.7055549621582031, -109.41149139404297],
    [0.0, 0.0, 0.0, 1.0]
],
  "dcmmeta_reorient_transform": [
    [0.0, -1.0, 0.0, 103.0],
    [1.0, 0.0, 0.0, 0.0],
    [0.0, 0.0, 1.0, 0.0],
    [0.0, 0.0, 0.0, 1.0]
],
  "dcmmeta_shape": [104, 104, 60],
  "dcmmeta_slice_dim": 2,
  "dcmmeta_version": 0.6,
  "global": {
    "const": {
      "AcquisitionMatrix": [104, 0, 0, 104],
      "AcquisitionNumber": 1,
      "AcquisitionTime": "133521.145000",
      "AngioFlag": "N",
      "BitsAllocated": 16,
      "BitsStored": 16,
      "BodyPartExamined": "BRAIN",
      "Columns": 832,
      "ContentTime": "133652.297000",
      "EchoNumbers": 1,
      "EchoTime": 37.0,
      "EchoTrainLength": 104,
      "FlipAngle": 52.0,
      "HighBit": 15,
      "ImageOrientationPatient": [0.99980002012916, -0.0012896819415, 0.01995636415317, 0.01151740161537, 0.85293323129658, -0.521892951102],
      "ImagePositionPatient": [-839.8212329072, -737.24446362677, 363.50828929166],
      "ImageType": [
        "ORIGINAL",
        "PRIMARY",
        "M",
        "ND",
        "MOSAIC"
],
      "ImagedNucleus": "1H",
      "ImagingFrequency": 123.259479,
      "InPlanePhaseEncodingDirection": "COL",
      "InstanceCreationTime": "133652.297000",
      "InstanceNumber": 1,
      "LargestImagePixelValue": 65535,
      "MRAcquisitionType": "2D",
      "MagneticFieldStrength": 3.0,
      "Manufacturer": "SIEMENS",
      "ManufacturerModelName": "Prisma_fit",
      "Modality": "MR",
      "NumberOfAverages": 1.0,
      "NumberOfPhaseEncodingSteps": 104,
      "PercentPhaseFieldOfView": 100.0,
      "PercentSampling": 100.0,
      "PerformedProcedureStepStartTime": "125351.192000",
      "PhotometricInterpretation": "MONOCHROME2",
      "PixelBandwidth": 2290.0,
      "PixelRepresentation": 0,
      "PixelSpacing": [2.0, 2.0],
      "ProtocolName": "func_task-friends-s01e19b",
      "RepetitionTime": 1490.0,
      "Rows": 832,
      "SAR": 0.03717908732539,
      "SamplesPerPixel": 1,
      "ScanOptions": "FS",
      "ScanningSequence": "EP",
      "SequenceName": "epfid2d1_104",
      "SequenceVariant": [
        "SK",
        "SS"
],
      "SeriesDescription": "func_task-friends-s01e19b_SBRef",
      "SeriesNumber": 10,
      "SeriesTime": "133652.293000",
      "SliceLocation": -61.133792005404,
      "SliceThickness": 2.0,
      "SmallestImagePixelValue": 0,
      "SoftwareVersions": "syngo MR E11",
      "SpacingBetweenSlices": 1.9999999837419,
      "SpecificCharacterSet": "ISO_IR 100",
      "StudyID": "1",
      "StudyTime": "125351.107000",
      "TransmitCoilName": "Body",
      "VariableFlipAngleFlag": "N",
      "WindowCenter": 13502.0,
      "WindowCenterWidthExplanation": "Algo1",
      "WindowWidth": 29489.0,
      "dBdt": 0.0},
    "slices": {}
  }
}