{
  "AcquisitionMatrixPE": 104,
  "AcquisitionNumber": 1,
  "AcquisitionTime": "15:20:15.842500",
  "BandwidthPerPixelPhaseEncode": 17.17,
  "BaseResolution": 104,
  "BodyPartExamined": "BRAIN",
  "CoilString": "HC1-7;NC1_2",
  "ConsistencyInfo": "N4_VE11C_LATEST_20160120",
  "ConversionSoftware": "dcm2niix",
  "ConversionSoftwareVersion": "v1.0.20190902",
  "DerivedVendorReportedEchoSpacing": 0.000560011,
  "DeviceSerialNumber": "167006",
  "DwellTime": 2.1e-06,
  "EchoTime": 0.037,
  "EchoTrainLength": 104,
  "EffectiveEchoSpacing": 0.000560011,
  "FlipAngle": 52,
  "ImageComments": "Unaliased_MB4_PE3_LB",
  "ImageOrientationPatientDICOM": [0.997809, -0.0656436, -0.00825516, 0.0592808, 0.942466, -0.329004],
  "ImageType": [
    "ORIGINAL",
    "PRIMARY",
    "M",
    "MB",
    "ND",
    "MOSAIC"
],
  "ImagingFrequency": 123.259,
  "InPlanePhaseEncodingDirectionDICOM": "COL",
  "InstitutionAddress": "Chemin_Queen-Mary_4565_Montreal_District_CA_H3W_1W5",
  "InstitutionName": "IUGM",
  "InstitutionalDepartmentName": "Department",
  "MRAcquisitionType": "2D",
  "MagneticFieldStrength": 3,
  "Manufacturer": "Siemens",
  "ManufacturersModelName": "Prisma_fit",
  "Modality": "MR",
  "MultibandAccelerationFactor": 4,
  "PartialFourier": 1,
  "PatientPosition": "HFS",
  "PercentPhaseFOV": 100,
  "PhaseEncodingDirection": "j",
  "PhaseEncodingSteps": 104,
  "PhaseResolution": 1,
  "PixelBandwidth": 2290,
  "ProcedureStepDescription": "video_friends",
  "ProtocolName": "func_task-friends-s04e12b",
  "PulseSequenceDetails": "%CustomerSeq%_cmrr_mbep2d_bold",
  "ReceiveCoilActiveElements": "HC1-7;NC1,2",
  "ReceiveCoilName": "HeadNeck_64",
  "ReconMatrixPE": 104,
  "RepetitionTime": 1.49,
  "SAR": 0.0308591,
  "ScanOptions": "FS",
  "ScanningSequence": "EP",
  "SequenceName": "epfid2d1_104",
  "SequenceVariant": "SK_SS",
  "SeriesDescription": "func_task-friends-s04e12b",
  "SeriesNumber": 11,
  "ShimSetting": [626, -7269, -8815, 611, -13, -231, -56, 8],
  "SliceThickness": 2,
  "SliceTiming": [0, 0.7825, 0.0975, 0.88, 0.195, 0.9775, 0.2925, 1.0775, 0.39, 1.175, 0.49, 1.2725, 0.5875, 1.37, 0.685, 0, 0.7825, 0.0975, 0.88, 0.195, 0.9775, 0.2925, 1.0775, 0.39, 1.175, 0.49, 1.2725, 0.5875, 1.37, 0.685, 0, 0.7825, 0.0975, 0.88, 0.195, 0.9775, 0.2925, 1.0775, 0.39, 1.175, 0.49, 1.2725, 0.5875, 1.37, 0.685, 0, 0.7825, 0.0975, 0.88, 0.195, 0.9775, 0.2925, 1.0775, 0.39, 1.175, 0.49, 1.2725, 0.5875, 1.37, 0.685],
  "SoftwareVersions": "syngo_MR_E11",
  "SpacingBetweenSlices": 2,
  "StationName": "MRC35049",
  "TaskName": "s04e12b",
  "TotalReadoutTime": 0.0576811,
  "TxRefAmp": 218.396,
  "WipMemBlock": "81a52124-57a4-4cca-a6a6-aea1c855c0d3||Sequence: R016 ve11c/master r/e634e98; Dec 19 2017 11:00:25 by eja",
  "dcmmeta_affine": [
    [-1.9956179857254028, 0.11856158077716827, -0.058754436671733856, 97.53740692138672],
    [0.13128724694252014, 1.884932041168213, -0.6555873155593872, -80.0335693359375],
    [-0.01651032827794552, 0.658007800579071, 1.8885849714279175, -59.15044403076172],
    [0.0, 0.0, 0.0, 1.0]
],
  "dcmmeta_reorient_transform": [
    [0.0, -1.0, 0.0, 103.0],
    [1.0, 0.0, 0.0, 0.0],
    [0.0, 0.0, 1.0, 0.0],
    [0.0, 0.0, 0.0, 1.0]
],
  "dcmmeta_shape": [104, 104, 60, 22],
  "dcmmeta_slice_dim": 2,
  "dcmmeta_version": 0.6,
  "global": {
    "const": {
      "AcquisitionMatrix": [104, 0, 0, 104],
      "AngioFlag": "N",
      "BitsAllocated": 16,
      "BitsStored": 16,
      "BodyPartExamined": "BRAIN",
      "Columns": 832,
      "EchoNumbers": 1,
      "EchoTime": 37.0,
      "EchoTrainLength": 104,
      "FlipAngle": 52.0,
      "HighBit": 15,
      "ImageOrientationPatient": [0.99780898320261, -0.0656436234699, -0.0082551643179, 0.05928078961625, 0.94246603571901, -0.3290038897925],
      "ImagePositionPatient": [-879.31060067579, -752.44115276824, 254.14895051557],
      "ImageType": [
        "ORIGINAL",
        "PRIMARY",
        "M",
        "MB",
        "ND",
        "MOSAIC"
],
      "ImagedNucleus": "1H",
      "ImagingFrequency": 123.259007,
      "InPlanePhaseEncodingDirection": "COL",
      "MRAcquisitionType": "2D",
      "MagneticFieldStrength": 3.0,
      "Manufacturer": "SIEMENS",
      "ManufacturerModelName": "Prisma_fit",
      "Modality": "MR",
      "NumberOfAverages": 1.0,
      "NumberOfPhaseEncodingSteps": 104,
      "PercentPhaseFieldOfView": 100.0,
      "PercentSampling": 100.0,
      "PerformedProcedureStepStartTime": "142222.043000",
      "PhotometricInterpretation": "MONOCHROME2",
      "PixelBandwidth": 2290.0,
      "PixelRepresentation": 0,
      "PixelSpacing": [2.0, 2.0],
      "ProtocolName": "func_task-friends-s04e12b",
      "RepetitionTime": 1490.0,
      "Rows": 832,
      "SAR": 0.03085907414009,
      "SamplesPerPixel": 1,
      "ScanOptions": "FS",
      "ScanningSequence": "EP",
      "SequenceName": "epfid2d1_104",
      "SequenceVariant": [
        "SK",
        "SS"
],
      "SeriesDescription": "func_task-friends-s04e12b",
      "SeriesNumber": 11,
      "SeriesTime": "152130.823000",
      "SliceLocation": -32.486199513262,
      "SliceThickness": 2.0,
      "SmallestImagePixelValue": 0,
      "SoftwareVersions": "syngo MR E11",
      "SpacingBetweenSlices": 1.9999999854092,
      "SpecificCharacterSet": "ISO_IR 100",
      "StudyID": "1",
      "StudyTime": "142221.863000",
      "TransmitCoilName": "Body",
      "VariableFlipAngleFlag": "N",
      "WindowCenterWidthExplanation": "Algo1",
      "dBdt": 0.0},
    "slices": {}
  },
  "time": {
    "samples": {
      "AcquisitionNumber": [1, 2, 3, 4, 5, 6, 7, 8, 9, 10, 11, 12, 13, 14, 15, 16, 17, 18, 19, 20, 21, 22],
      "AcquisitionTime": ["152015.842500", "152017.332500", "152018.822500", "152020.312500", "152021.802500", "152023.292500", "152024.782500", "152026.272500", "152027.762500", "152029.252500", "152030.742500", "152032.232500", "152033.722500", "152035.212500", "152036.702500", "152038.192500", "152039.682500", "152041.172500", "152042.662500", "152044.152500", "152045.642500", "152047.132500"],
      "ContentTime": ["152130.827000", "152130.831000", "152130.834000", "152130.837000", "152130.839000", "152130.850000", "152130.853000", "152130.856000", "152130.859000", "152130.862000", "152130.865000", "152130.874000", "152130.877000", "152130.880000", "152130.888000", "152130.891000", "152130.893000", "152130.896000", "152130.899000", "152130.902000", "152130.905000", "152130.908000"],
      "InstanceCreationTime": ["152130.827000", "152130.831000", "152130.834000", "152130.837000", "152130.839000", "152130.850000", "152130.853000", "152130.856000", "152130.859000", "152130.862000", "152130.865000", "152130.874000", "152130.877000", "152130.880000", "152130.888000", "152130.891000", "152130.893000", "152130.896000", "152130.899000", "152130.902000", "152130.905000", "152130.908000"],
      "InstanceNumber": [1, 2, 3, 4, 5, 6, 7, 8, 9, 10, 11, 12, 13, 14, 15, 16, 17, 18, 19, 20, 21, 22],
      "LargestImagePixelValue": [43839, 42916, 41144, 41225, 40550, 40707, 40768, 39833, 38522, 40807, 41290, 40046, 39743, 39708, 40291, 39980, 40002, 40925, 41012, 40851, 40984, 41196],
      "WindowCenter": [10160.0, 10113.0, 10080.0, 10059.0, 10056.0, 10054.0, 10063.0, 10074.0, 10067.0, 10057.0, 10029.0, 10001.0, 9985.0, 9983.0, 9981.0, 9966.0, 9973.0, 9985.0, 10003.0, 10019.0, 10028.0, 10038.0],
      "WindowWidth": [21884.0, 21740.0, 21648.0, 21586.0, 21577.0, 21561.0, 21566.0, 21597.0, 21591.0, 21559.0, 21496.0, 21438.0, 21406.0, 21403.0, 21396.0, 21360.0, 21379.0, 21403.0, 21442.0, 21479.0, 21501.0, 21525.0]
    },
    "slices": {}
  }
}