{
  "AcquisitionMatrixPE": 104,
  "AcquisitionNumber": 1,
  "AcquisitionTime": "11:30:24.057500",
  "BandwidthPerPixelPhaseEncode": 17.17,
  "BaseResolution": 104,
  "BodyPartExamined": "BRAIN",
  "CoilCombinationMethod": "Sum of Squares",
  "ConsistencyInfo": "N4_VE11C_LATEST_20160120",
  "ConversionSoftware": "dcm2niix",
  "ConversionSoftwareVersion": "v1.0.20230411",
  "DerivedVendorReportedEchoSpacing": 0.000560011,
  "DeviceSerialNumber": "167006",
  "DwellTime": 2.1e-06,
  "EchoTime": 0.037,
  "EchoTrainLength": 104,
  "EffectiveEchoSpacing": 0.000560011,
  "FlipAngle": 52,
  "HeudiconvVersion": "0.5.3.post861+ge7d3c7f",
  "ImageComments": "Single-band reference",
  "ImageOrientationPatientDICOM": [0.995692, 0.086551, 0.0332737, -0.0727695, 0.951754, -0.29811],
  "ImageOrientationText": "Tra>Cor(-17.2)>Sag(3.3)",
  "ImageType": [
    "ORIGINAL",
    "PRIMARY",
    "M",
    "ND",
    "MOSAIC"
],
  "ImagingFrequency": 123.249547,
  "InPlanePhaseEncodingDirectionDICOM": "COL",
  "InstitutionAddress": "Chemin Queen-Mary 4565,Montreal,District,CA,H3W 1W5",
  "InstitutionName": "Institut Universitaire de Geriatrie de Montreal",
  "InstitutionalDepartmentName": "Department",
  "MRAcquisitionType": "2D",
  "MagneticFieldStrength": 3,
  "Manufacturer": "Siemens",
  "ManufacturersModelName": "Prisma_fit",
  "MatrixCoilMode": "SENSE",
  "Modality": "MR",
  "NonlinearGradientCorrection": false,
  "PartialFourier": 1,
  "PatientPosition": "HFS",
  "PercentPhaseFOV": 100,
  "PercentSampling": 100,
  "PhaseEncodingDirection": "j",
  "PhaseEncodingSteps": 104,
  "PhaseResolution": 1,
  "PixelBandwidth": 2290,
  "ProcedureStepDescription": "video^friends",
  "ProtocolName": "func_task-friends-s07e23c",
  "PulseSequenceDetails": "%CustomerSeq%\\cmrr_mbep2d_bold",
  "ReceiveCoilActiveElements": "HC1-7;NC1,2",
  "ReceiveCoilName": "HeadNeck_64",
  "ReconMatrixPE": 104,
  "RepetitionTime": 1.49,
  "SAR": 0.0799752,
  "ScanOptions": "FS",
  "ScanningSequence": "EP",
  "SequenceName": "epfid2d1_104",
  "SequenceVariant": "SK\\SS",
  "SeriesDescription": "func_task-friends-s07e23c_SBRef",
  "SeriesNumber": 13,
  "ShimSetting": [625, -7212, -8792, 652, 145, 10, -59, 51],
  "SliceThickness": 2,
  "SliceTiming": [0, 0.0975, 0.195, 0.295, 0.3925, 0.49, 0.5875, 0.685, 0.785, 0.8825, 0.98, 1.0775, 1.175, 1.275, 1.3725, 1.47, 1.5675, 1.665, 1.765, 1.8625, 1.96, 2.0575, 2.155, 2.255, 2.3525, 2.45, 2.5475, 2.645, 2.745, 2.8425, 2.94, 3.0375, 3.135, 3.235, 3.3325, 3.43, 3.5275, 3.625, 3.7225, 3.8225, 3.92, 4.0175, 4.115, 4.2125, 4.3125, 4.41, 4.5075, 4.605, 4.7025, 4.8025, 4.9, 4.9975, 5.095, 5.1925, 5.2925, 5.39, 5.4875, 5.585, 5.6825, 5.7825],
  "SoftwareVersions": "syngo MR E11",
  "SpacingBetweenSlices": 2,
  "StationName": "MRC35049",
  "TaskName": "s07e23c",
  "TotalReadoutTime": 0.0576811,
  "TxRefAmp": 302.575,
  "WipMemBlock": "11f610d1-5421-4276-ad67-448fe7fba16f||Sequence: R017 ve11c/master r/75a17815+; Jun 28 2022 16:32:11 by eja",
  "dcmmeta_affine": [
    [-1.9913831949234009, -0.1455390453338623, 0.11494020372629166, 107.28140258789062],
    [-0.1731019914150238, 1.9035073518753052, -0.5888084173202515, -62.999202728271484],
    [0.0665474608540535, 0.5962197184562683, 1.9079029560089111, -53.85689163208008],
    [0.0, 0.0, 0.0, 1.0]
],
  "dcmmeta_reorient_transform": [
    [0.0, -1.0, 0.0, 103.0],
    [1.0, 0.0, 0.0, 0.0],
    [0.0, 0.0, 1.0, 0.0],
    [0.0, 0.0, 0.0, 1.0]
],
  "dcmmeta_shape": [104, 104, 60],
  "dcmmeta_slice_dim": 2,
  "dcmmeta_version": 0.6,
  "global": {
    "const": {
      "AcquisitionMatrix": [104, 0, 0, 104],
      "AcquisitionNumber": 1,
      "AcquisitionTime": "113024.057500",
      "AngioFlag": "N",
      "BitsAllocated": 16,
      "BitsStored": 16,
      "BodyPartExamined": "BRAIN",
      "Columns": 832,
      "ContentTime": "113141.996000",
      "EchoNumbers": 1,
      "EchoTime": 37.0,
      "EchoTrainLength": 104,
      "FlipAngle": 52.0,
      "HighBit": 15,
      "ImageOrientationPatient": [0.99569161084781, 0.08655099693622, 0.03327372862541, -0.0727695236868, 0.9517536968868, -0.2981098738464],
      "ImagePositionPatient": [-764.17816332671, -888.94787630872, 200.35445506567],
      "ImageType": [
        "ORIGINAL",
        "PRIMARY",
        "M",
        "ND",
        "MOSAIC"
],
      "ImagedNucleus": "1H",
      "ImagingFrequency": 123.249547,
      "InPlanePhaseEncodingDirection": "COL",
      "InstanceCreationTime": "113141.996000",
      "InstanceNumber": 1,
      "LargestImagePixelValue": 61767,
      "MRAcquisitionType": "2D",
      "MagneticFieldStrength": 3.0,
      "Manufacturer": "SIEMENS",
      "ManufacturerModelName": "Prisma_fit",
      "Modality": "MR",
      "NumberOfAverages": 1.0,
      "NumberOfPhaseEncodingSteps": 104,
      "PercentPhaseFieldOfView": 100.0,
      "PercentSampling": 100.0,
      "PerformedProcedureStepStartTime": "103114.788000",
      "PhotometricInterpretation": "MONOCHROME2",
      "PixelBandwidth": 2290.0,
      "PixelRepresentation": 0,
      "PixelSpacing": [2.0, 2.0],
      "ProtocolName": "func_task-friends-s07e23c",
      "RepetitionTime": 1490.0,
      "Rows": 832,
      "SAR": 0.07997524722583,
      "SamplesPerPixel": 1,
      "ScanOptions": "FS",
      "ScanningSequence": "EP",
      "SequenceName": "epfid2d1_104",
      "SequenceVariant": [
        "SK",
        "SS"
],
      "SeriesDescription": "func_task-friends-s07e23c_SBRef",
      "SeriesNumber": 13,
      "SeriesTime": "113141.992000",
      "SliceLocation": -26.664158476623,
      "SliceThickness": 2.0,
      "SmallestImagePixelValue": 0,
      "SoftwareVersions": "syngo MR E11",
      "SpacingBetweenSlices": 2.0000000593363,
      "SpecificCharacterSet": "ISO_IR 100",
      "StudyID": "1",
      "StudyTime": "103114.672000",
      "TransmitCoilName": "Body",
      "VariableFlipAngleFlag": "N",
      "WindowCenter": 12086.0,
      "WindowCenterWidthExplanation": "Algo1",
      "WindowWidth": 25729.0,
      "dBdt": 0.0},
    "slices": {}
  }
}