{
  "AcquisitionMatrixPE": 104,
  "AcquisitionNumber": 1,
  "AcquisitionTime": "13:28:2.310000",
  "BandwidthPerPixelPhaseEncode": 17.17,
  "BaseResolution": 104,
  "BodyPartExamined": "BRAIN",
  "CoilCombinationMethod": "Sum of Squares",
  "ConsistencyInfo": "N4_VE11C_LATEST_20160120",
  "ConversionSoftware": "dcm2niix",
  "ConversionSoftwareVersion": "v1.0.20211006",
  "DerivedVendorReportedEchoSpacing": 0.000560011,
  "DeviceSerialNumber": "167006",
  "DwellTime": 2.1e-06,
  "EchoTime": 0.037,
  "EchoTrainLength": 104,
  "EffectiveEchoSpacing": 0.000560011,
  "FlipAngle": 52,
  "HeudiconvVersion": "0.11.3.post9+gc939bf8",
  "ImageComments": "Unaliased MB4/PE3/LB",
  "ImageOrientationPatientDICOM": [0.999987, -0.00224444, 0.00452383, 0.00331611, 0.967452, -0.253034],
  "ImageOrientationText": "Tra>Cor(-14.7)>Sag(0.2)",
  "ImageType": [
    "ORIGINAL",
    "PRIMARY",
    "M",
    "MB",
    "ND",
    "MOSAIC"
],
  "ImagingFrequency": 123.259,
  "InPlanePhaseEncodingDirectionDICOM": "COL",
  "InstitutionAddress": "Chemin Queen-Mary 4565,Montreal,District,CA,H3W 1W5",
  "InstitutionName": "IUGM",
  "InstitutionalDepartmentName": "Department",
  "MRAcquisitionType": "2D",
  "MagneticFieldStrength": 3,
  "Manufacturer": "Siemens",
  "ManufacturersModelName": "Prisma_fit",
  "MatrixCoilMode": "SENSE",
  "Modality": "MR",
  "MultibandAccelerationFactor": 4,
  "PartialFourier": 1,
  "PatientPosition": "HFS",
  "PercentPhaseFOV": 100,
  "PercentSampling": 100,
  "PhaseEncodingDirection": "j",
  "PhaseEncodingSteps": 104,
  "PhaseResolution": 1,
  "PixelBandwidth": 2290,
  "ProcedureStepDescription": "video^friends",
  "ProtocolName": "func_task-friends-s06e11a",
  "PulseSequenceDetails": "%CustomerSeq%\\cmrr_mbep2d_bold",
  "ReceiveCoilActiveElements": "HC1-7;NC1,2",
  "ReceiveCoilName": "HeadNeck_64",
  "ReconMatrixPE": 104,
  "RepetitionTime": 1.49,
  "SAR": 0.0638887,
  "ScanOptions": "FS",
  "ScanningSequence": "EP",
  "SequenceName": "epfid2d1_104",
  "SequenceVariant": "SK\\SS",
  "SeriesDescription": "func_task-friends-s06e11a",
  "SeriesNumber": 10,
  "ShimSetting": [630, -7211, -8775, 699, 27, 4, 47, -12],
  "SliceThickness": 2,
  "SliceTiming": [0, 0.785, 0.1, 0.8825, 0.1975, 0.98, 0.295, 1.0775, 0.3925, 1.1775, 0.49, 1.275, 0.59, 1.3725, 0.6875, 0, 0.785, 0.1, 0.8825, 0.1975, 0.98, 0.295, 1.0775, 0.3925, 1.1775, 0.49, 1.275, 0.59, 1.3725, 0.6875, 0, 0.785, 0.1, 0.8825, 0.1975, 0.98, 0.295, 1.0775, 0.3925, 1.1775, 0.49, 1.275, 0.59, 1.3725, 0.6875, 0, 0.785, 0.1, 0.8825, 0.1975, 0.98, 0.295, 1.0775, 0.3925, 1.1775, 0.49, 1.275, 0.59, 1.3725, 0.6875],
  "SoftwareVersions": "syngo MR E11",
  "SpacingBetweenSlices": 2,
  "StationName": "MRC35049",
  "TaskName": "s06e11a",
  "TotalReadoutTime": 0.0576811,
  "TxRefAmp": 262.028,
  "WipMemBlock": "3e53743d-f4cf-42ba-ae42-aff873e22974||Sequence: R016 ve11c/master r/e634e98; Dec 19 2017 11:00:25 by eja",
  "dcmmeta_affine": [
    [-1.9999744892120361, 0.0066322265192866325, 0.0076173292472958565, 104.7279281616211],
    [0.0044888826087117195, 1.9349033832550049, -0.5060915946960449, -83.55378723144531],
    [0.009047655388712883, 0.5060680508613586, 1.9348936080932617, -57.880245208740234],
    [0.0, 0.0, 0.0, 1.0]
],
  "dcmmeta_reorient_transform": [
    [0.0, -1.0, 0.0, 103.0],
    [1.0, 0.0, 0.0, 0.0],
    [0.0, 0.0, 1.0, 0.0],
    [0.0, 0.0, 0.0, 1.0]
],
  "dcmmeta_shape": [104, 104, 60, 18],
  "dcmmeta_slice_dim": 2,
  "dcmmeta_version": 0.6,
  "global": {
    "const": {
      "AcquisitionMatrix": [104, 0, 0, 104],
      "AngioFlag": "N",
      "BitsAllocated": 16,
      "BitsStored": 16,
      "BodyPartExamined": "BRAIN",
      "Columns": 832,
      "EchoNumbers": 1,
      "EchoTime": 37.0,
      "EchoTrainLength": 104,
      "FlipAngle": 52.0,
      "HighBit": 15,
      "ImageOrientationPatient": [0.99998724865165, -0.0022444413796, 0.0045238276942, 0.00331611327438, 0.96745169420903, -0.2530340347954],
      "ImagePositionPatient": [-835.81589687927, -818.41214027904, 175.16019628769],
      "ImageType": [
        "ORIGINAL",
        "PRIMARY",
        "M",
        "MB",
        "ND",
        "MOSAIC"
],
      "ImagedNucleus": "1H",
      "ImagingFrequency": 123.258826,
      "InPlanePhaseEncodingDirection": "COL",
      "MRAcquisitionType": "2D",
      "MagneticFieldStrength": 3.0,
      "Manufacturer": "SIEMENS",
      "ManufacturerModelName": "Prisma_fit",
      "Modality": "MR",
      "NumberOfAverages": 1.0,
      "NumberOfPhaseEncodingSteps": 104,
      "PercentPhaseFieldOfView": 100.0,
      "PercentSampling": 100.0,
      "PerformedProcedureStepStartTime": "131104.538000",
      "PhotometricInterpretation": "MONOCHROME2",
      "PixelBandwidth": 2290.0,
      "PixelRepresentation": 0,
      "PixelSpacing": [2.0, 2.0],
      "ProtocolName": "func_task-friends-s06e11a",
      "RepetitionTime": 1490.0,
      "Rows": 832,
      "SAR": 0.06388873888413,
      "SamplesPerPixel": 1,
      "ScanOptions": "FS",
      "ScanningSequence": "EP",
      "SequenceName": "epfid2d1_104",
      "SequenceVariant": [
        "SK",
        "SS"
],
      "SeriesDescription": "func_task-friends-s06e11a",
      "SeriesNumber": 10,
      "SeriesTime": "132911.784000",
      "SliceLocation": -34.454248762116,
      "SliceThickness": 2.0,
      "SmallestImagePixelValue": 0,
      "SoftwareVersions": "syngo MR E11",
      "SpacingBetweenSlices": 1.9999999865679,
      "SpecificCharacterSet": "ISO_IR 100",
      "StudyID": "1",
      "StudyTime": "131104.351000",
      "TransmitCoilName": "Body",
      "VariableFlipAngleFlag": "N",
      "WindowCenterWidthExplanation": "Algo1",
      "dBdt": 0.0},
    "slices": {}
  },
  "time": {
    "samples": {
      "AcquisitionNumber": [1, 2, 3, 4, 5, 6, 7, 8, 9, 10, 11, 12, 13, 14, 15, 16, 17, 18],
      "AcquisitionTime": ["132802.310000", "132803.800000", "132805.290000", "132806.780000", "132808.270000", "132809.760000", "132811.250000", "132812.740000", "132814.230000", "132815.720000", "132817.210000", "132818.700000", "132820.190000", "132821.680000", "132823.170000", "132824.660000", "132826.150000", "132827.640000"],
      "ContentTime": ["132911.787000", "132911.791000", "132911.794000", "132911.797000", "132911.800000", "132911.803000", "132911.805000", "132911.808000", "132911.811000", "132911.814000", "132911.817000", "132911.820000", "132911.823000", "132911.826000", "132911.829000", "132911.832000", "132911.835000", "132911.838000"],
      "InstanceCreationTime": ["132911.787000", "132911.791000", "132911.794000", "132911.797000", "132911.800000", "132911.803000", "132911.805000", "132911.808000", "132911.811000", "132911.814000", "132911.817000", "132911.820000", "132911.823000", "132911.826000", "132911.829000", "132911.832000", "132911.835000", "132911.838000"],
      "InstanceNumber": [1, 2, 3, 4, 5, 6, 7, 8, 9, 10, 11, 12, 13, 14, 15, 16, 17, 18],
      "LargestImagePixelValue": [43823, 42752, 41447, 41408, 41657, 41209, 41059, 40954, 41036, 40974, 40864, 40855, 40660, 40471, 40848, 40717, 40221, 40250],
      "WindowCenter": [10190.0, 10157.0, 10126.0, 10096.0, 10082.0, 10075.0, 10074.0, 10097.0, 10107.0, 10118.0, 10117.0, 10126.0, 10127.0, 10127.0, 10150.0, 10147.0, 10133.0, 10119.0],
      "WindowWidth": [21726.0, 21629.0, 21546.0, 21467.0, 21425.0, 21411.0, 21410.0, 21460.0, 21483.0, 21510.0, 21506.0, 21526.0, 21529.0, 21530.0, 21580.0, 21576.0, 21546.0, 21510.0]
    },
    "slices": {}
  }
}