{
  "AcquisitionMatrixPE": 104,
  "AcquisitionNumber": 1,
  "AcquisitionTime": "15:52:30.625000",
  "BandwidthPerPixelPhaseEncode": 17.17,
  "BaseResolution": 104,
  "BodyPartExamined": "BRAIN",
  "CoilCombinationMethod": "Sum of Squares",
  "ConsistencyInfo": "N4_VE11C_LATEST_20160120",
  "ConversionSoftware": "dcm2niix",
  "ConversionSoftwareVersion": "v1.0.20230411",
  "DerivedVendorReportedEchoSpacing": 0.000560011,
  "DeviceSerialNumber": "167006",
  "DwellTime": 2.1e-06,
  "EchoTime": 0.037,
  "EchoTrainLength": 104,
  "EffectiveEchoSpacing": 0.000560011,
  "FlipAngle": 52,
  "HeudiconvVersion": "0.5.3.post861+ge7d3c7f",
  "ImageComments": "Unaliased MB4/PE3/LB",
  "ImageOrientationPatientDICOM": [0.999511, 0.0307893, -0.00540187, -0.0287919, 0.839463, -0.542654],
  "ImageOrientationText": "Tra>Cor(-32.9)>Sag(0.7)",
  "ImageType": [
    "ORIGINAL",
    "PRIMARY",
    "M",
    "MB",
    "ND",
    "MOSAIC"
],
  "ImagingFrequency": 123.249516,
  "InPlanePhaseEncodingDirectionDICOM": "COL",
  "InstitutionAddress": "Chemin Queen-Mary 4565,Montreal,District,CA,H3W 1W5",
  "InstitutionName": "IUGM",
  "InstitutionalDepartmentName": "Department",
  "MRAcquisitionType": "2D",
  "MagneticFieldStrength": 3,
  "Manufacturer": "Siemens",
  "ManufacturersModelName": "Prisma_fit",
  "MatrixCoilMode": "SENSE",
  "Modality": "MR",
  "MultibandAccelerationFactor": 4,
  "NonlinearGradientCorrection": false,
  "PartialFourier": 1,
  "PatientPosition": "HFS",
  "PercentPhaseFOV": 100,
  "PercentSampling": 100,
  "PhaseEncodingDirection": "j",
  "PhaseEncodingSteps": 104,
  "PhaseResolution": 1,
  "PixelBandwidth": 2290,
  "ProcedureStepDescription": "video^friends",
  "ProtocolName": "func_task-friends-s07e21a",
  "PulseSequenceDetails": "%CustomerSeq%\\cmrr_mbep2d_bold",
  "ReceiveCoilActiveElements": "HC1-7;NC1,2",
  "ReceiveCoilName": "HeadNeck_64",
  "ReconMatrixPE": 104,
  "RepetitionTime": 1.49,
  "SAR": 0.0597049,
  "ScanOptions": "FS",
  "ScanningSequence": "EP",
  "SequenceName": "epfid2d1_104",
  "SequenceVariant": "SK\\SS",
  "SeriesDescription": "func_task-friends-s07e21a",
  "SeriesNumber": 10,
  "ShimSetting": [595, -7234, -8837, 309, 5, -174, -107, 64],
  "SliceThickness": 2,
  "SliceTiming": [0, 0.7825, 0.0975, 0.8825, 0.195, 0.98, 0.2925, 1.0775, 0.3925, 1.175, 0.49, 1.2725, 0.5875, 1.3725, 0.685, 0, 0.7825, 0.0975, 0.8825, 0.195, 0.98, 0.2925, 1.0775, 0.3925, 1.175, 0.49, 1.2725, 0.5875, 1.3725, 0.685, 0, 0.7825, 0.0975, 0.8825, 0.195, 0.98, 0.2925, 1.0775, 0.3925, 1.175, 0.49, 1.2725, 0.5875, 1.3725, 0.685, 0, 0.7825, 0.0975, 0.8825, 0.195, 0.98, 0.2925, 1.0775, 0.3925, 1.175, 0.49, 1.2725, 0.5875, 1.3725, 0.685],
  "SoftwareVersions": "syngo MR E11",
  "SpacingBetweenSlices": 2,
  "StationName": "MRC35049",
  "TaskName": "s07e21a",
  "TotalReadoutTime": 0.0576811,
  "TxRefAmp": 285.16,
  "WipMemBlock": "dbf94255-0966-4f38-bb75-4286489a1202||Sequence: R017 ve11c/master r/75a17815+; Jun 28 2022 16:32:11 by eja",
  "dcmmeta_affine": [
    [-1.9990226030349731, -0.05758373811841011, 0.024346500635147095, 105.91053771972656],
    [-0.061578553169965744, 1.6789255142211914, -1.0850884914398193, -52.046409606933594],
    [-0.010803744196891785, 1.0853078365325928, 1.6798779964447021, -81.59675598144531],
    [0.0, 0.0, 0.0, 1.0]
],
  "dcmmeta_reorient_transform": [
    [0.0, -1.0, 0.0, 103.0],
    [1.0, 0.0, 0.0, 0.0],
    [0.0, 0.0, 1.0, 0.0],
    [0.0, 0.0, 0.0, 1.0]
],
  "dcmmeta_shape": [104, 104, 60, 26],
  "dcmmeta_slice_dim": 2,
  "dcmmeta_version": 0.6,
  "global": {
    "const": {
      "AcquisitionMatrix": [104, 0, 0, 104],
      "AngioFlag": "N",
      "BitsAllocated": 16,
      "BitsStored": 16,
      "BodyPartExamined": "BRAIN",
      "Columns": 832,
      "EchoNumbers": 1,
      "EchoTime": 37.0,
      "EchoTrainLength": 104,
      "FlipAngle": 52.0,
      "HighBit": 15,
      "ImageOrientationPatient": [0.99951130068556, 0.03078927699601, -0.0054018722603, -0.0287918697947, 0.83946278210483, -0.5426539096833],
      "ImagePositionPatient": [-806.66315741065, -754.42642406362, 429.17455497093],
      "ImageType": [
        "ORIGINAL",
        "PRIMARY",
        "M",
        "MB",
        "ND",
        "MOSAIC"
],
      "ImagedNucleus": "1H",
      "ImagingFrequency": 123.249516,
      "InPlanePhaseEncodingDirection": "COL",
      "MRAcquisitionType": "2D",
      "MagneticFieldStrength": 3.0,
      "Manufacturer": "SIEMENS",
      "ManufacturerModelName": "Prisma_fit",
      "Modality": "MR",
      "NumberOfAverages": 1.0,
      "NumberOfPhaseEncodingSteps": 104,
      "PercentPhaseFieldOfView": 100.0,
      "PercentSampling": 100.0,
      "PerformedProcedureStepStartTime": "154820.459000",
      "PhotometricInterpretation": "MONOCHROME2",
      "PixelBandwidth": 2290.0,
      "PixelRepresentation": 0,
      "PixelSpacing": [2.0, 2.0],
      "ProtocolName": "func_task-friends-s07e21a",
      "RepetitionTime": 1490.0,
      "Rows": 832,
      "SAR": 0.05970487012247,
      "SamplesPerPixel": 1,
      "ScanOptions": "FS",
      "ScanningSequence": "EP",
      "SequenceName": "epfid2d1_104",
      "SequenceVariant": [
        "SK",
        "SS"
],
      "SeriesDescription": "func_task-friends-s07e21a",
      "SeriesNumber": 10,
      "SeriesTime": "155343.235000",
      "SliceLocation": -39.009547493068,
      "SliceThickness": 2.0,
      "SmallestImagePixelValue": 0,
      "SoftwareVersions": "syngo MR E11",
      "SpacingBetweenSlices": 1.9999999661365,
      "SpecificCharacterSet": "ISO_IR 100",
      "StudyID": "1",
      "StudyTime": "154820.375000",
      "TransmitCoilName": "Body",
      "VariableFlipAngleFlag": "N",
      "WindowCenterWidthExplanation": "Algo1",
      "dBdt": 0.0},
    "slices": {}
  },
  "time": {
    "samples": {
      "AcquisitionNumber": [1, 2, 3, 4, 5, 6, 7, 8, 9, 10, 11, 12, 13, 14, 15, 16, 17, 18, 19, 20, 21, 22, 23, 24, 25, 26],
      "AcquisitionTime": ["155230.625000", "155232.115000", "155233.605000", "155235.095000", "155236.585000", "155238.075000", "155239.565000", "155241.055000", "155242.545000", "155244.035000", "155245.525000", "155247.015000", "155248.505000", "155249.995000", "155251.485000", "155252.975000", "155254.465000", "155255.955000", "155257.445000", "155258.935000", "155300.425000", "155301.915000", "155303.405000", "155304.895000", "155306.385000", "155307.875000"],
      "ContentTime": ["155343.238000", "155343.241000", "155343.245000", "155343.248000", "155343.253000", "155343.256000", "155343.259000", "155343.262000", "155343.265000", "155343.267000", "155343.276000", "155343.284000", "155343.287000", "155343.290000", "155343.293000", "155343.296000", "155343.299000", "155343.302000", "155343.305000", "155343.308000", "155343.311000", "155343.314000", "155343.317000", "155343.320000", "155344.867000", "155344.870000"],
      "InstanceCreationTime": ["155343.238000", "155343.241000", "155343.245000", "155343.248000", "155343.253000", "155343.256000", "155343.259000", "155343.262000", "155343.265000", "155343.267000", "155343.276000", "155343.284000", "155343.287000", "155343.290000", "155343.293000", "155343.296000", "155343.299000", "155343.302000", "155343.305000", "155343.308000", "155343.311000", "155343.314000", "155343.317000", "155343.320000", "155344.867000", "155344.870000"],
      "InstanceNumber": [1, 2, 3, 4, 5, 6, 7, 8, 9, 10, 11, 12, 13, 14, 15, 16, 17, 18, 19, 20, 21, 22, 23, 24, 25, 26],
      "LargestImagePixelValue": [49105, 48493, 46785, 46230, 46636, 45932, 45794, 45250, 45339, 45548, 45633, 46120, 45626, 45569, 45532, 46041, 45991, 46647, 46009, 46202, 45599, 45307, 45587, 45739, 45088, 45614],
      "WindowCenter": [11089.0, 11048.0, 11055.0, 11093.0, 11119.0, 11093.0, 11051.0, 11018.0, 11018.0, 11011.0, 11016.0, 11029.0, 11040.0, 11053.0, 11093.0, 11105.0, 11125.0, 11102.0, 11066.0, 11076.0, 11130.0, 11142.0, 11098.0, 11075.0, 11091.0, 11137.0],
      "WindowWidth": [24003.0, 23866.0, 23866.0, 23944.0, 23997.0, 23927.0, 23827.0, 23753.0, 23750.0, 23736.0, 23748.0, 23776.0, 23804.0, 23835.0, 23930.0, 23958.0, 24010.0, 23955.0, 23875.0, 23892.0, 24020.0, 24055.0, 23953.0, 23895.0, 23931.0, 24039.0]
    },
    "slices": {}
  }
}