{
  "AcquisitionMatrixPE": 104,
  "AcquisitionNumber": 1,
  "AcquisitionTime": "13:18:4.627500",
  "BandwidthPerPixelPhaseEncode": 17.17,
  "BaseResolution": 104,
  "BodyPartExamined": "BRAIN",
  "CoilString": "HC1-7;NC1_2",
  "ConsistencyInfo": "N4_VE11C_LATEST_20160120",
  "ConversionSoftware": "dcm2niix",
  "ConversionSoftwareVersion": "v1.0.20190720  (JP2:OpenJPEG) GCC7.3.0",
  "DerivedVendorReportedEchoSpacing": 0.000560011,
  "DeviceSerialNumber": "167006",
  "DwellTime": 2.1e-06,
  "EchoTime": 0.037,
  "EchoTrainLength": 104,
  "EffectiveEchoSpacing": 0.000560011,
  "FlipAngle": 52,
  "ImageComments": "Unaliased_MB4_PE3_LB",
  "ImageOrientationPatientDICOM": [0.999595, -0.0278995, 0.00566843, 0.026699, 0.849545, -0.526839],
  "ImageType": [
    "ORIGINAL",
    "PRIMARY",
    "M",
    "MB",
    "ND",
    "MOSAIC"
],
  "ImagingFrequency": 123.259,
  "InPlanePhaseEncodingDirectionDICOM": "COL",
  "InstitutionAddress": "Chemin_Queen-Mary_4565_Montreal_District_CA_H3W_1W5",
  "InstitutionName": "IUGM",
  "InstitutionalDepartmentName": "Department",
  "MRAcquisitionType": "2D",
  "MagneticFieldStrength": 3,
  "Manufacturer": "Siemens",
  "ManufacturersModelName": "Prisma_fit",
  "Modality": "MR",
  "MultibandAccelerationFactor": 4,
  "PartialFourier": 1,
  "PatientPosition": "HFS",
  "PercentPhaseFOV": 100,
  "PhaseEncodingDirection": "j",
  "PhaseEncodingSteps": 104,
  "PhaseResolution": 1,
  "PixelBandwidth": 2290,
  "ProcedureStepDescription": "video_friends",
  "ProtocolName": "func_task-s01e01a",
  "PulseSequenceDetails": "%CustomerSeq%_cmrr_mbep2d_bold",
  "ReceiveCoilActiveElements": "HC1-7;NC1,2",
  "ReceiveCoilName": "HeadNeck_64",
  "ReconMatrixPE": 104,
  "RepetitionTime": 1.49,
  "SAR": 0.036188,
  "ScanOptions": "FS",
  "ScanningSequence": "EP",
  "SequenceName": "epfid2d1_104",
  "SequenceVariant": "SK_SS",
  "SeriesDescription": "func_task-s01e01a",
  "SeriesNumber": 8,
  "ShimSetting": [623, -7179, -8880, 411, -32, -157, 40, -32],
  "SliceThickness": 2,
  "SliceTiming": [0, 0.7825, 0.0975, 0.88, 0.195, 0.98, 0.2925, 1.0775, 0.39, 1.175, 0.49, 1.2725, 0.5875, 1.37, 0.685, 0, 0.7825, 0.0975, 0.88, 0.195, 0.98, 0.2925, 1.0775, 0.39, 1.175, 0.49, 1.2725, 0.5875, 1.37, 0.685, 0, 0.7825, 0.0975, 0.88, 0.195, 0.98, 0.2925, 1.0775, 0.39, 1.175, 0.49, 1.2725, 0.5875, 1.37, 0.685, 0, 0.7825, 0.0975, 0.88, 0.195, 0.98, 0.2925, 1.0775, 0.39, 1.175, 0.49, 1.2725, 0.5875, 1.37, 0.685],
  "SoftwareVersions": "syngo_MR_E11",
  "SpacingBetweenSlices": 2,
  "StationName": "MRC35049",
  "TaskName": "friends",
  "TotalReadoutTime": 0.0576811,
  "TxRefAmp": 250.688,
  "WipMemBlock": "885c54c7-bde7-47f1-a1c9-246fc8c97d1e||Sequence: R016 ve11c/master r/e634e98; Dec 19 2017 11:00:25 by eja",
  "dcmmeta_affine": [
    [-1.9991893768310547, 0.05339809134602547, -0.019765907898545265, 100.20800018310547],
    [0.05579895153641701, 1.6990909576416016, -1.0535541772842407, -60.349544525146484],
    [0.011336853727698326, 1.0536786317825317, 1.6998920440673828, -107.53294372558594],
    [0.0, 0.0, 0.0, 1.0]
],
  "dcmmeta_reorient_transform": [
    [0.0, -1.0, 0.0, 103.0],
    [1.0, 0.0, 0.0, 0.0],
    [0.0, 0.0, 1.0, 0.0],
    [0.0, 0.0, 0.0, 1.0]
],
  "dcmmeta_shape": [104, 104, 60, 42],
  "dcmmeta_slice_dim": 2,
  "dcmmeta_version": 0.6,
  "global": {
    "const": {
      "AcquisitionMatrix": [104, 0, 0, 104],
      "AngioFlag": "N",
      "BitsAllocated": 16,
      "BitsStored": 16,
      "BodyPartExamined": "BRAIN",
      "Columns": 832,
      "EchoNumbers": 1,
      "EchoTime": 37.0,
      "EchoTrainLength": 104,
      "FlipAngle": 52.0,
      "HighBit": 15,
      "ImageOrientationPatient": [0.99959466192526, -0.0278994764344, 0.00566842704972, 0.02669904614871, 0.84954547054641, -0.5268393060591],
      "ImagePositionPatient": [-852.84982233476, -712.81510598673, 380.40835697423],
      "ImageType": [
        "ORIGINAL",
        "PRIMARY",
        "M",
        "MB",
        "ND",
        "MOSAIC"
],
      "ImagedNucleus": "1H",
      "ImagingFrequency": 123.259147,
      "InPlanePhaseEncodingDirection": "COL",
      "MRAcquisitionType": "2D",
      "MagneticFieldStrength": 3.0,
      "Manufacturer": "SIEMENS",
      "ManufacturerModelName": "Prisma_fit",
      "Modality": "MR",
      "NumberOfAverages": 1.0,
      "NumberOfPhaseEncodingSteps": 104,
      "PercentPhaseFieldOfView": 100.0,
      "PercentSampling": 100.0,
      "PerformedProcedureStepStartTime": "130822.089000",
      "PhotometricInterpretation": "MONOCHROME2",
      "PixelBandwidth": 2290.0,
      "PixelRepresentation": 0,
      "PixelSpacing": [2.0, 2.0],
      "ProtocolName": "func_task-s01e01a",
      "RepetitionTime": 1490.0,
      "Rows": 832,
      "SAR": 0.03618802085576,
      "SamplesPerPixel": 1,
      "ScanOptions": "FS",
      "ScanningSequence": "EP",
      "SequenceName": "epfid2d1_104",
      "SequenceVariant": [
        "SK",
        "SS"
],
      "SeriesDescription": "func_task-s01e01a",
      "SeriesNumber": 8,
      "SeriesTime": "131918.938000",
      "SliceLocation": -60.596785926142,
      "SliceThickness": 2.0,
      "SmallestImagePixelValue": 0,
      "SoftwareVersions": "syngo MR E11",
      "SpacingBetweenSlices": 1.9999999710306,
      "SpecificCharacterSet": "ISO_IR 100",
      "StudyID": "1",
      "StudyTime": "130821.945000",
      "TransmitCoilName": "Body",
      "VariableFlipAngleFlag": "N",
      "WindowCenterWidthExplanation": "Algo1",
      "dBdt": 0.0},
    "slices": {}
  },
  "time": {
    "samples": {
      "AcquisitionNumber": [1, 2, 3, 4, 5, 6, 7, 8, 9, 10, 11, 12, 13, 14, 15, 16, 17, 18, 19, 20, 21, 22, 23, 24, 25, 26, 27, 28, 29, 30, 31, 32, 33, 34, 35, 36, 37, 38, 39, 40, 41, 42],
      "AcquisitionTime": ["131804.627500", "131806.117500", "131807.607500", "131809.097500", "131810.587500", "131812.077500", "131813.567500", "131815.057500", "131816.547500", "131818.037500", "131819.527500", "131821.017500", "131822.507500", "131823.997500", "131825.487500", "131826.977500", "131828.467500", "131829.957500", "131831.447500", "131832.937500", "131834.427500", "131835.917500", "131837.407500", "131838.897500", "131840.387500", "131841.877500", "131843.367500", "131844.857500", "131846.347500", "131847.837500", "131849.327500", "131850.817500", "131852.307500", "131853.797500", "131855.287500", "131856.777500", "131858.267500", "131859.757500", "131901.247500", "131902.737500", "131904.227500", "131905.717500"],
      "ContentTime": ["131918.940000", "131918.944000", "131918.947000", "131918.950000", "131918.957000", "131918.960000", "131918.963000", "131918.966000", "131918.970000", "131918.973000", "131918.979000", "131918.981000", "131918.984000", "131918.987000", "131918.990000", "131918.993000", "131918.996000", "131919.000000", "131919.003000", "131919.006000", "131941.010000", "131941.013000", "131941.016000", "131941.019000", "131941.022000", "131941.025000", "131941.028000", "131941.031000", "131941.033000", "131941.036000", "131941.039000", "131941.042000", "131941.045000", "131941.048000", "131941.050000", "131941.053000", "131941.056000", "131941.059000", "131941.062000", "131941.065000", "131941.067000", "131941.070000"],
      "InstanceCreationTime": ["131918.940000", "131918.944000", "131918.947000", "131918.950000", "131918.957000", "131918.960000", "131918.963000", "131918.966000", "131918.970000", "131918.973000", "131918.979000", "131918.981000", "131918.984000", "131918.987000", "131918.990000", "131918.993000", "131918.996000", "131919.000000", "131919.003000", "131919.006000", "131941.010000", "131941.013000", "131941.016000", "131941.019000", "131941.022000", "131941.025000", "131941.028000", "131941.031000", "131941.033000", "131941.036000", "131941.039000", "131941.042000", "131941.045000", "131941.048000", "131941.050000", "131941.053000", "131941.056000", "131941.059000", "131941.062000", "131941.065000", "131941.067000", "131941.070000"],
      "InstanceNumber": [1, 2, 3, 4, 5, 6, 7, 8, 9, 10, 11, 12, 13, 14, 15, 16, 17, 18, 19, 20, 21, 22, 23, 24, 25, 26, 27, 28, 29, 30, 31, 32, 33, 34, 35, 36, 37, 38, 39, 40, 41, 42],
      "LargestImagePixelValue": [44862, 44010, 43661, 43645, 42879, 42949, 43181, 43248, 43798, 42758, 43386, 43004, 43221, 42840, 43141, 43155, 43121, 43210, 41987, 43297, 42048, 43309, 42104, 42961, 42720, 42859, 42452, 43236, 42768, 42862, 42211, 42154, 42194, 42228, 41855, 42509, 42107, 42876, 42234, 42417, 42042, 42042],
      "WindowCenter": [11069.0, 11019.0, 10999.0, 11009.0, 11014.0, 11008.0, 11005.0, 11002.0, 10998.0, 10995.0, 11006.0, 10996.0, 10985.0, 10980.0, 10974.0, 10973.0, 10980.0, 10982.0, 10982.0, 10980.0, 10972.0, 10978.0, 10972.0, 10984.0, 10989.0, 10969.0, 10961.0, 10955.0, 10949.0, 10956.0, 10953.0, 10977.0, 10999.0, 10991.0, 10968.0, 10953.0, 10937.0, 10961.0, 10979.0, 10995.0, 10987.0, 10977.0],
      "WindowWidth": [23793.0, 23644.0, 23580.0, 23591.0, 23599.0, 23582.0, 23569.0, 23560.0, 23551.0, 23546.0, 23568.0, 23549.0, 23520.0, 23508.0, 23494.0, 23492.0, 23507.0, 23513.0, 23516.0, 23509.0, 23494.0, 23501.0, 23496.0, 23519.0, 23542.0, 23486.0, 23473.0, 23452.0, 23439.0, 23455.0, 23452.0, 23508.0, 23559.0, 23543.0, 23489.0, 23453.0, 23415.0, 23466.0, 23512.0, 23548.0, 23534.0, 23508.0]
    },
    "slices": {}
  }
}