{
  "AcquisitionMatrixPE": 104,
  "AcquisitionNumber": 1,
  "AcquisitionTime": "17:59:55.077500",
  "BandwidthPerPixelPhaseEncode": 17.17,
  "BaseResolution": 104,
  "BodyPartExamined": "BRAIN",
  "CoilString": "HC1-7;NC1_2",
  "ConsistencyInfo": "N4_VE11C_LATEST_20160120",
  "ConversionSoftware": "dcm2niix",
  "ConversionSoftwareVersion": "v1.0.20190902",
  "DerivedVendorReportedEchoSpacing": 0.000560011,
  "DeviceSerialNumber": "167006",
  "DwellTime": 2.1e-06,
  "EchoTime": 0.037,
  "EchoTrainLength": 104,
  "EffectiveEchoSpacing": 0.000560011,
  "FlipAngle": 52,
  "ImageComments": "Single-band_reference",
  "ImageOrientationPatientDICOM": [0.999943, -0.0104512, -0.00220724, 0.00959902, 0.969842, -0.243547],
  "ImageType": [
    "ORIGINAL",
    "PRIMARY",
    "M",
    "ND",
    "MOSAIC"
],
  "ImagingFrequency": 123.259,
  "InPlanePhaseEncodingDirectionDICOM": "COL",
  "InstitutionAddress": "Chemin_Queen-Mary_4565_Montreal_District_CA_H3W_1W5",
  "InstitutionName": "IUGM",
  "InstitutionalDepartmentName": "Department",
  "IntendedFor": [
    "ses-039/func/sub-03_ses-039_task-s04e01a_bold.nii.gz",
    "ses-039/func/sub-03_ses-039_task-s04e01b_bold.nii.gz"
],
  "MRAcquisitionType": "2D",
  "MagneticFieldStrength": 3,
  "Manufacturer": "Siemens",
  "ManufacturersModelName": "Prisma_fit",
  "Modality": "MR",
  "PartialFourier": 1,
  "PatientPosition": "HFS",
  "PercentPhaseFOV": 100,
  "PhaseEncodingDirection": "j-",
  "PhaseEncodingSteps": 104,
  "PhaseResolution": 1,
  "PixelBandwidth": 2290,
  "ProcedureStepDescription": "video_friends",
  "ProtocolName": "func_AP_run-2",
  "PulseSequenceDetails": "%CustomerSeq%_cmrr_mbep2d_bold",
  "ReceiveCoilActiveElements": "HC1-7;NC1,2",
  "ReceiveCoilName": "HeadNeck_64",
  "ReconMatrixPE": 104,
  "RepetitionTime": 1.49,
  "SAR": 0.0230101,
  "ScanOptions": "FS",
  "ScanningSequence": "EP",
  "SequenceName": "epfid2d1_104",
  "SequenceVariant": "SK_SS",
  "SeriesDescription": "func_AP_run-2_SBRef",
  "SeriesNumber": 12,
  "ShimSetting": [634, -7227, -8780, 733, 26, -27, 97, -1],
  "SliceThickness": 2,
  "SliceTiming": [0, 0.0975, 0.195, 0.295, 0.3925, 0.49, 0.5875, 0.685, 0.785, 0.8825, 0.98, 1.0775, 1.175, 1.275, 1.3725, 1.47, 1.5675, 1.665, 1.765, 1.8625, 1.96, 2.0575, 2.155, 2.255, 2.3525, 2.45, 2.5475, 2.645, 2.745, 2.8425, 2.94, 3.0375, 3.135, 3.2325, 3.3325, 3.43, 3.5275, 3.625, 3.7225, 3.8225, 3.92, 4.0175, 4.115, 4.2125, 4.3125, 4.41, 4.5075, 4.605, 4.7025, 4.8025, 4.9, 4.9975, 5.095, 5.1925, 5.2925, 5.39, 5.4875, 5.585, 5.6825, 5.7825],
  "SoftwareVersions": "syngo_MR_E11",
  "SpacingBetweenSlices": 2,
  "StationName": "MRC35049",
  "TotalReadoutTime": 0.0576811,
  "TxRefAmp": 206.269,
  "WipMemBlock": "042d0001-670c-4041-b7ba-7bb050ec668e||Sequence: R016 ve11c/master r/e634e98; Dec 19 2017 11:00:25 by eja",
  "dcmmeta_affine": [
    [-1.9998859167099, 0.01919803023338318, -0.009372085332870483, 104.76531219482422],
    [0.02090245485305786, 1.9396830797195435, -0.4870242774486542, -86.20645141601562],
    [-0.004414484836161137, 0.4870944321155548, 1.9397730827331543, -56.53425216674805],
    [0.0, 0.0, 0.0, 1.0]
],
  "dcmmeta_reorient_transform": [
    [0.0, -1.0, 0.0, 103.0],
    [1.0, 0.0, 0.0, 0.0],
    [0.0, 0.0, 1.0, 0.0],
    [0.0, 0.0, 0.0, 1.0]
],
  "dcmmeta_shape": [104, 104, 60],
  "dcmmeta_slice_dim": 2,
  "dcmmeta_version": 0.6,
  "global": {
    "const": {
      "AcquisitionMatrix": [104, 0, 0, 104],
      "AcquisitionNumber": 1,
      "AcquisitionTime": "175955.077500",
      "AngioFlag": "N",
      "BitsAllocated": 16,
      "BitsStored": 16,
      "BodyPartExamined": "BRAIN",
      "Columns": 832,
      "ContentTime": "180056.528000",
      "EchoNumbers": 1,
      "EchoTime": 37.0,
      "EchoTrainLength": 104,
      "FlipAngle": 52.0,
      "HighBit": 15,
      "ImageOrientationPatient": [0.99994294833278, -0.0104512277071, -0.0022072423899, 0.00959901468117, 0.96984154026726, -0.2435472144968],
      "ImagePositionPatient": [-841.68925821929, -812.01705275602, 172.54571678154],
      "ImageType": [
        "ORIGINAL",
        "PRIMARY",
        "M",
        "ND",
        "MOSAIC"
],
      "ImagedNucleus": "1H",
      "ImagingFrequency": 123.259063,
      "InPlanePhaseEncodingDirection": "COL",
      "InstanceCreationTime": "180056.528000",
      "InstanceNumber": 1,
      "LargestImagePixelValue": 56005,
      "MRAcquisitionType": "2D",
      "MagneticFieldStrength": 3.0,
      "Manufacturer": "SIEMENS",
      "ManufacturerModelName": "Prisma_fit",
      "Modality": "MR",
      "NumberOfAverages": 1.0,
      "NumberOfPhaseEncodingSteps": 104,
      "PercentPhaseFieldOfView": 100.0,
      "PercentSampling": 100.0,
      "PerformedProcedureStepStartTime": "171104.356000",
      "PhotometricInterpretation": "MONOCHROME2",
      "PixelBandwidth": 2290.0,
      "PixelRepresentation": 0,
      "PixelSpacing": [2.0, 2.0],
      "ProtocolName": "func_AP_run-2",
      "RepetitionTime": 1490.0,
      "Rows": 832,
      "SAR": 0.0230101303019,
      "SamplesPerPixel": 1,
      "ScanOptions": "FS",
      "ScanningSequence": "EP",
      "SequenceName": "epfid2d1_104",
      "SequenceVariant": [
        "SK",
        "SS"
],
      "SeriesDescription": "func_AP_run-2_SBRef",
      "SeriesNumber": 12,
      "SeriesTime": "180056.524000",
      "SliceLocation": -34.330429255532,
      "SliceThickness": 2.0,
      "SmallestImagePixelValue": 0,
      "SoftwareVersions": "syngo MR E11",
      "SpacingBetweenSlices": 2.0000000154931,
      "SpecificCharacterSet": "ISO_IR 100",
      "StudyID": "1",
      "StudyTime": "171104.292000",
      "TransmitCoilName": "Body",
      "VariableFlipAngleFlag": "N",
      "WindowCenter": 11785.0,
      "WindowCenterWidthExplanation": "Algo1",
      "WindowWidth": 24984.0,
      "dBdt": 0.0},
    "slices": {}
  }
}