{
  "AcquisitionMatrixPE": 104,
  "AcquisitionNumber": 1,
  "AcquisitionTime": "14:33:33.570000",
  "BandwidthPerPixelPhaseEncode": 17.17,
  "BaseResolution": 104,
  "BodyPartExamined": "BRAIN",
  "CoilString": "HC1-7;NC1_2",
  "ConsistencyInfo": "N4_VE11C_LATEST_20160120",
  "ConversionSoftware": "dcm2niix",
  "ConversionSoftwareVersion": "v1.0.20190720  (JP2:OpenJPEG) GCC7.3.0",
  "DerivedVendorReportedEchoSpacing": 0.000560011,
  "DeviceSerialNumber": "167006",
  "DwellTime": 2.1e-06,
  "EchoTime": 0.037,
  "EchoTrainLength": 104,
  "EffectiveEchoSpacing": 0.000560011,
  "FlipAngle": 52,
  "ImageComments": "Unaliased_MB4_PE3_LB",
  "ImageOrientationPatientDICOM": [0.998434, -0.010496, -0.0549523, -0.00209105, 0.974556, -0.224134],
  "ImageType": [
    "ORIGINAL",
    "PRIMARY",
    "M",
    "MB",
    "ND",
    "MOSAIC"
],
  "ImagingFrequency": 123.259,
  "InPlanePhaseEncodingDirectionDICOM": "COL",
  "InstitutionAddress": "Chemin_Queen-Mary_4565_Montreal_District_CA_H3W_1W5",
  "InstitutionName": "IUGM",
  "InstitutionalDepartmentName": "Department",
  "MRAcquisitionType": "2D",
  "MagneticFieldStrength": 3,
  "Manufacturer": "Siemens",
  "ManufacturersModelName": "Prisma_fit",
  "Modality": "MR",
  "MultibandAccelerationFactor": 4,
  "PartialFourier": 1,
  "PatientPosition": "HFS",
  "PercentPhaseFOV": 100,
  "PhaseEncodingDirection": "j",
  "PhaseEncodingSteps": 104,
  "PhaseResolution": 1,
  "PixelBandwidth": 2290,
  "ProcedureStepDescription": "video_friends",
  "ProtocolName": "func_task-s01e02a",
  "PulseSequenceDetails": "%CustomerSeq%_cmrr_mbep2d_bold",
  "ReceiveCoilActiveElements": "HC1-7;NC1,2",
  "ReceiveCoilName": "HeadNeck_64",
  "ReconMatrixPE": 104,
  "RepetitionTime": 1.49,
  "SAR": 0.0292639,
  "ScanOptions": "FS",
  "ScanningSequence": "EP",
  "SequenceName": "epfid2d1_104",
  "SequenceVariant": "SK_SS",
  "SeriesDescription": "func_task-s01e02a",
  "SeriesNumber": 8,
  "ShimSetting": [604, -7266, -8827, 585, -45, -350, 0, 57],
  "SliceThickness": 2,
  "SliceTiming": [0, 0.7825, 0.0975, 0.88, 0.195, 0.98, 0.2925, 1.0775, 0.39, 1.175, 0.49, 1.2725, 0.5875, 1.37, 0.685, 0, 0.7825, 0.0975, 0.88, 0.195, 0.98, 0.2925, 1.0775, 0.39, 1.175, 0.49, 1.2725, 0.5875, 1.37, 0.685, 0, 0.7825, 0.0975, 0.88, 0.195, 0.98, 0.2925, 1.0775, 0.39, 1.175, 0.49, 1.2725, 0.5875, 1.37, 0.685, 0, 0.7825, 0.0975, 0.88, 0.195, 0.98, 0.2925, 1.0775, 0.39, 1.175, 0.49, 1.2725, 0.5875, 1.37, 0.685],
  "SoftwareVersions": "syngo_MR_E11",
  "SpacingBetweenSlices": 2,
  "StationName": "MRC35049",
  "TaskName": "friends",
  "TotalReadoutTime": 0.0576811,
  "TxRefAmp": 217.311,
  "WipMemBlock": "b2cbca21-46cf-4f2e-afb6-6adc525d247a||Sequence: R016 ve11c/master r/e634e98; Dec 19 2017 11:00:25 by eja",
  "dcmmeta_affine": [
    [-1.9968676567077637, -0.004182097967714071, -0.1118132695555687, 101.43782043457031],
    [0.02099195308983326, 1.9491121768951416, -0.44779595732688904, -82.9533920288086],
    [-0.10990466177463531, 0.44826820492744446, 1.9460155963897705, -46.46493911743164],
    [0.0, 0.0, 0.0, 1.0]
],
  "dcmmeta_reorient_transform": [
    [0.0, -1.0, 0.0, 103.0],
    [1.0, 0.0, 0.0, 0.0],
    [0.0, 0.0, 1.0, 0.0],
    [0.0, 0.0, 0.0, 1.0]
],
  "dcmmeta_shape": [104, 104, 60, 43],
  "dcmmeta_slice_dim": 2,
  "dcmmeta_version": 0.6,
  "global": {
    "const": {
      "AcquisitionMatrix": [104, 0, 0, 104],
      "AngioFlag": "N",
      "BitsAllocated": 16,
      "BitsStored": 16,
      "BodyPartExamined": "BRAIN",
      "Columns": 832,
      "EchoNumbers": 1,
      "EchoTime": 37.0,
      "EchoTrainLength": 104,
      "FlipAngle": 52.0,
      "HighBit": 15,
      "ImageOrientationPatient": [0.99843381141626, -0.010495976482, -0.0549523311469, -0.0020910490054, 0.97455606824319, -0.2241341057591],
      "ImagePositionPatient": [-826.34459778805, -819.64090596748, 202.8816133513],
      "ImageType": [
        "ORIGINAL",
        "PRIMARY",
        "M",
        "MB",
        "ND",
        "MOSAIC"
],
      "ImagedNucleus": "1H",
      "ImagingFrequency": 123.259126,
      "InPlanePhaseEncodingDirection": "COL",
      "MRAcquisitionType": "2D",
      "MagneticFieldStrength": 3.0,
      "Manufacturer": "SIEMENS",
      "ManufacturerModelName": "Prisma_fit",
      "Modality": "MR",
      "NumberOfAverages": 1.0,
      "NumberOfPhaseEncodingSteps": 104,
      "PercentPhaseFieldOfView": 100.0,
      "PercentSampling": 100.0,
      "PerformedProcedureStepStartTime": "141100.045000",
      "PhotometricInterpretation": "MONOCHROME2",
      "PixelBandwidth": 2290.0,
      "PixelRepresentation": 0,
      "PixelSpacing": [2.0, 2.0],
      "ProtocolName": "func_task-s01e02a",
      "RepetitionTime": 1490.0,
      "Rows": 832,
      "SAR": 0.02926393704185,
      "SamplesPerPixel": 1,
      "ScanOptions": "FS",
      "ScanningSequence": "EP",
      "SequenceName": "epfid2d1_104",
      "SequenceVariant": [
        "SK",
        "SS"
],
      "SeriesDescription": "func_task-s01e02a",
      "SeriesNumber": 8,
      "SeriesTime": "143439.541000",
      "SliceLocation": -32.308697552677,
      "SliceThickness": 2.0,
      "SmallestImagePixelValue": 0,
      "SoftwareVersions": "syngo MR E11",
      "SpacingBetweenSlices": 2.0000000643943,
      "SpecificCharacterSet": "ISO_IR 100",
      "StudyID": "1",
      "StudyTime": "141059.961000",
      "TransmitCoilName": "Body",
      "VariableFlipAngleFlag": "N",
      "WindowCenterWidthExplanation": "Algo1",
      "dBdt": 0.0},
    "slices": {}
  },
  "time": {
    "samples": {
      "AcquisitionNumber": [1, 2, 3, 4, 5, 6, 7, 8, 9, 10, 11, 12, 13, 14, 15, 16, 17, 18, 19, 20, 21, 22, 23, 24, 25, 26, 27, 28, 29, 30, 31, 32, 33, 34, 35, 36, 37, 38, 39, 40, 41, 42, 43],
      "AcquisitionTime": ["143333.570000", "143335.060000", "143336.550000", "143338.040000", "143339.530000", "143341.020000", "143342.510000", "143344.000000", "143345.490000", "143346.980000", "143348.470000", "143349.960000", "143351.450000", "143352.940000", "143354.430000", "143355.920000", "143357.410000", "143358.900000", "143400.390000", "143401.880000", "143403.370000", "143404.860000", "143406.350000", "143407.840000", "143409.330000", "143410.820000", "143412.310000", "143413.800000", "143415.290000", "143416.780000", "143418.270000", "143419.760000", "143421.250000", "143422.740000", "143424.230000", "143425.720000", "143427.210000", "143428.700000", "143430.190000", "143431.680000", "143433.170000", "143434.660000", "143436.150000"],
      "ContentTime": ["143439.544000", "143439.547000", "143439.550000", "143439.553000", "143439.556000", "143439.558000", "143439.561000", "143439.568000", "143439.571000", "143439.574000", "143512.678000", "143512.681000", "143512.683000", "143512.686000", "143512.695000", "143512.697000", "143512.700000", "143512.703000", "143512.706000", "143512.709000", "143512.711000", "143512.714000", "143512.717000", "143512.720000", "143512.723000", "143512.725000", "143512.728000", "143512.731000", "143512.734000", "143512.737000", "143512.740000", "143512.743000", "143512.745000", "143512.748000", "143512.751000", "143512.754000", "143512.757000", "143512.760000", "143512.762000", "143512.765000", "143512.774000", "143512.776000", "143512.779000"],
      "InstanceCreationTime": ["143439.544000", "143439.547000", "143439.550000", "143439.553000", "143439.556000", "143439.558000", "143439.561000", "143439.568000", "143439.571000", "143439.574000", "143512.678000", "143512.681000", "143512.683000", "143512.686000", "143512.695000", "143512.697000", "143512.700000", "143512.703000", "143512.706000", "143512.709000", "143512.711000", "143512.714000", "143512.717000", "143512.720000", "143512.723000", "143512.725000", "143512.728000", "143512.731000", "143512.734000", "143512.737000", "143512.740000", "143512.743000", "143512.745000", "143512.748000", "143512.751000", "143512.754000", "143512.757000", "143512.760000", "143512.762000", "143512.765000", "143512.774000", "143512.776000", "143512.779000"],
      "InstanceNumber": [1, 2, 3, 4, 5, 6, 7, 8, 9, 10, 11, 12, 13, 14, 15, 16, 17, 18, 19, 20, 21, 22, 23, 24, 25, 26, 27, 28, 29, 30, 31, 32, 33, 34, 35, 36, 37, 38, 39, 40, 41, 42, 43],
      "LargestImagePixelValue": [42697, 41753, 40942, 40244, 40004, 39874, 38986, 39219, 39374, 39307, 39308, 39485, 39004, 39214, 39954, 39159, 39523, 39248, 38981, 39626, 39136, 39526, 38845, 39920, 39406, 39490, 39702, 39480, 39474, 39386, 38859, 38730, 39128, 38925, 39339, 39070, 39142, 39534, 39238, 39339, 39373, 39773, 40117],
      "WindowCenter": [9810.0, 9768.0, 9746.0, 9730.0, 9722.0, 9720.0, 9713.0, 9721.0, 9731.0, 9731.0, 9733.0, 9733.0, 9718.0, 9715.0, 9725.0, 9707.0, 9719.0, 9712.0, 9713.0, 9720.0, 9714.0, 9721.0, 9707.0, 9719.0, 9711.0, 9702.0, 9701.0, 9701.0, 9712.0, 9727.0, 9717.0, 9708.0, 9705.0, 9698.0, 9713.0, 9714.0, 9714.0, 9711.0, 9695.0, 9687.0, 9693.0, 9709.0, 9718.0],
      "WindowWidth": [20851.0, 20728.0, 20667.0, 20623.0, 20600.0, 20591.0, 20578.0, 20593.0, 20616.0, 20615.0, 20620.0, 20620.0, 20590.0, 20583.0, 20597.0, 20567.0, 20588.0, 20572.0, 20577.0, 20588.0, 20578.0, 20592.0, 20566.0, 20586.0, 20571.0, 20549.0, 20547.0, 20547.0, 20572.0, 20605.0, 20586.0, 20568.0, 20557.0, 20543.0, 20575.0, 20580.0, 20578.0, 20569.0, 20535.0, 20519.0, 20529.0, 20564.0, 20584.0]
    },
    "slices": {}
  }
}