{
  "AcquisitionMatrixPE": 104,
  "AcquisitionNumber": 1,
  "AcquisitionTime": "15:31:33.655000",
  "BandwidthPerPixelPhaseEncode": 17.17,
  "BaseResolution": 104,
  "BodyPartExamined": "BRAIN",
  "CoilCombinationMethod": "Sum of Squares",
  "ConsistencyInfo": "N4_VE11C_LATEST_20160120",
  "ConversionSoftware": "dcm2niix",
  "ConversionSoftwareVersion": "v1.0.20211006",
  "DerivedVendorReportedEchoSpacing": 0.000560011,
  "DeviceSerialNumber": "167006",
  "DwellTime": 2.1e-06,
  "EchoTime": 0.037,
  "EchoTrainLength": 104,
  "EffectiveEchoSpacing": 0.000560011,
  "FlipAngle": 52,
  "HeudiconvVersion": "0.11.3.post9+gc939bf8",
  "ImageComments": "Single-band reference",
  "ImageOrientationPatientDICOM": [0.99864, -0.0367411, -0.0370012, 0.0219648, 0.939971, -0.340546],
  "ImageOrientationText": "Tra>Cor(-19.9)>Sag(-2.7)",
  "ImageType": [
    "ORIGINAL",
    "PRIMARY",
    "M",
    "ND",
    "MOSAIC"
],
  "ImagingFrequency": 123.259,
  "InPlanePhaseEncodingDirectionDICOM": "COL",
  "InstitutionAddress": "Chemin Queen-Mary 4565,Montreal,District,CA,H3W 1W5",
  "InstitutionName": "IUGM",
  "InstitutionalDepartmentName": "Department",
  "IntendedFor": [
    "ses-055/func/sub-06_ses-055_task-s06e24d_bold.nii.gz"
],
  "MRAcquisitionType": "2D",
  "MagneticFieldStrength": 3,
  "Manufacturer": "Siemens",
  "ManufacturersModelName": "Prisma_fit",
  "MatrixCoilMode": "SENSE",
  "Modality": "MR",
  "PartialFourier": 1,
  "PatientPosition": "HFS",
  "PercentPhaseFOV": 100,
  "PercentSampling": 100,
  "PhaseEncodingDirection": "j",
  "PhaseEncodingSteps": 104,
  "PhaseResolution": 1,
  "PixelBandwidth": 2290,
  "ProcedureStepDescription": "video^friends",
  "ProtocolName": "func_task-friends-s06e24d",
  "PulseSequenceDetails": "%CustomerSeq%\\cmrr_mbep2d_bold",
  "ReceiveCoilActiveElements": "HC1-7;NC1,2",
  "ReceiveCoilName": "HeadNeck_64",
  "ReconMatrixPE": 104,
  "RepetitionTime": 1.49,
  "SAR": 0.0684903,
  "ScanOptions": "FS",
  "ScanningSequence": "EP",
  "SequenceName": "epfid2d1_104",
  "SequenceVariant": "SK\\SS",
  "SeriesDescription": "func_task-friends-s06e24d_SBRef",
  "SeriesNumber": 9,
  "ShimSetting": [611, -7252, -8831, 567, -14, -244, -113, -25],
  "SliceThickness": 2,
  "SliceTiming": [0, 0.0975, 0.195, 0.2925, 0.3925, 0.49, 0.5875, 0.685, 0.7825, 0.88, 0.98, 1.0775, 1.175, 1.2725, 1.37, 1.47, 1.5675, 1.665, 1.7625, 1.86, 1.96, 2.0575, 2.155, 2.2525, 2.35, 2.45, 2.5475, 2.645, 2.7425, 2.84, 2.94, 3.0375, 3.135, 3.2325, 3.33, 3.43, 3.5275, 3.625, 3.7225, 3.82, 3.92, 4.0175, 4.115, 4.2125, 4.31, 4.41, 4.5075, 4.605, 4.7025, 4.8, 4.9, 4.9975, 5.095, 5.1925, 5.29, 5.3875, 5.4875, 5.585, 5.6825, 5.78],
  "SoftwareVersions": "syngo MR E11",
  "SpacingBetweenSlices": 2,
  "StationName": "MRC35049",
  "TotalReadoutTime": 0.0576811,
  "TxRefAmp": 270.91,
  "WipMemBlock": "78e18497-38b4-41c0-b9e5-6b6bdc4c3755||Sequence: R017 ve11c/master r/75a17815+; Jun 28 2022 16:32:11 by eja",
  "dcmmeta_affine": [
    [-1.997279167175293, 0.043929573148489, -0.09458421170711517, 101.10604095458984],
    [0.07348210364580154, 1.8799422979354858, -0.6785404682159424, -76.1065673828125],
    [-0.07400243729352951, 0.6810925006866455, 1.878998875617981, -67.6871566772461],
    [0.0, 0.0, 0.0, 1.0]
],
  "dcmmeta_reorient_transform": [
    [0.0, -1.0, 0.0, 103.0],
    [1.0, 0.0, 0.0, 0.0],
    [0.0, 0.0, 1.0, 0.0],
    [0.0, 0.0, 0.0, 1.0]
],
  "dcmmeta_shape": [104, 104, 60],
  "dcmmeta_slice_dim": 2,
  "dcmmeta_version": 0.6,
  "global": {
    "const": {
      "AcquisitionMatrix": [104, 0, 0, 104],
      "AcquisitionNumber": 1,
      "AcquisitionTime": "153133.655000",
      "AngioFlag": "N",
      "BitsAllocated": 16,
      "BitsStored": 16,
      "BodyPartExamined": "BRAIN",
      "Columns": 832,
      "ContentTime": "153258.438000",
      "EchoNumbers": 1,
      "EchoTime": 37.0,
      "EchoTrainLength": 104,
      "FlipAngle": 52.0,
      "HighBit": 15,
      "ImageOrientationPatient": [0.99863957711572, -0.036741052671, -0.0370012170986, 0.02196478592154, 0.93997116965081, -0.340546250023],
      "ImagePositionPatient": [-848.63076368271, -775.0790215057, 277.31992446886],
      "ImageType": [
        "ORIGINAL",
        "PRIMARY",
        "M",
        "ND",
        "MOSAIC"
],
      "ImagedNucleus": "1H",
      "ImagingFrequency": 123.258781,
      "InPlanePhaseEncodingDirection": "COL",
      "InstanceCreationTime": "153258.438000",
      "InstanceNumber": 1,
      "LargestImagePixelValue": 54724,
      "MRAcquisitionType": "2D",
      "MagneticFieldStrength": 3.0,
      "Manufacturer": "SIEMENS",
      "ManufacturerModelName": "Prisma_fit",
      "Modality": "MR",
      "NumberOfAverages": 1.0,
      "NumberOfPhaseEncodingSteps": 104,
      "PercentPhaseFieldOfView": 100.0,
      "PercentSampling": 100.0,
      "PerformedProcedureStepStartTime": "152723.862000",
      "PhotometricInterpretation": "MONOCHROME2",
      "PixelBandwidth": 2290.0,
      "PixelRepresentation": 0,
      "PixelSpacing": [2.0, 2.0],
      "ProtocolName": "func_task-friends-s06e24d",
      "RepetitionTime": 1490.0,
      "Rows": 832,
      "SAR": 0.06849025939563,
      "SamplesPerPixel": 1,
      "ScanOptions": "FS",
      "ScanningSequence": "EP",
      "SequenceName": "epfid2d1_104",
      "SequenceVariant": [
        "SK",
        "SS"
],
      "SeriesDescription": "func_task-friends-s06e24d_SBRef",
      "SeriesNumber": 9,
      "SeriesTime": "153258.435000",
      "SliceLocation": -42.552871912244,
      "SliceThickness": 2.0,
      "SmallestImagePixelValue": 0,
      "SoftwareVersions": "syngo MR E11",
      "SpacingBetweenSlices": 1.9999999933422,
      "SpecificCharacterSet": "ISO_IR 100",
      "StudyID": "1",
      "StudyTime": "152723.799000",
      "TransmitCoilName": "Body",
      "VariableFlipAngleFlag": "N",
      "WindowCenter": 11987.0,
      "WindowCenterWidthExplanation": "Algo1",
      "WindowWidth": 25972.0,
      "dBdt": 0.0},
    "slices": {}
  }
}