{
  "AcquisitionMatrixPE": 104,
  "AcquisitionNumber": 1,
  "AcquisitionTime": "11:12:3.500000",
  "BandwidthPerPixelPhaseEncode": 17.17,
  "BaseResolution": 104,
  "BodyPartExamined": "BRAIN",
  "CoilString": "HC1-7;NC1_2",
  "ConsistencyInfo": "N4_VE11C_LATEST_20160120",
  "ConversionSoftware": "dcm2niix",
  "ConversionSoftwareVersion": "v1.0.20190720  (JP2:OpenJPEG) GCC7.3.0",
  "DerivedVendorReportedEchoSpacing": 0.000560011,
  "DeviceSerialNumber": "167006",
  "DwellTime": 2.1e-06,
  "EchoTime": 0.037,
  "EchoTrainLength": 104,
  "EffectiveEchoSpacing": 0.000560011,
  "FlipAngle": 52,
  "ImageComments": "Single-band_reference",
  "ImageOrientationPatientDICOM": [0.999639, -0.0251927, -0.00930508, 0.0209394, 0.948081, -0.317339],
  "ImageType": [
    "ORIGINAL",
    "PRIMARY",
    "M",
    "ND",
    "MOSAIC"
],
  "ImagingFrequency": 123.259,
  "InPlanePhaseEncodingDirectionDICOM": "COL",
  "InstitutionAddress": "Chemin_Queen-Mary_4565_Montreal_District_CA_H3W_1W5",
  "InstitutionName": "IUGM",
  "InstitutionalDepartmentName": "Department",
  "MRAcquisitionType": "2D",
  "MagneticFieldStrength": 3,
  "Manufacturer": "Siemens",
  "ManufacturersModelName": "Prisma_fit",
  "Modality": "MR",
  "PartialFourier": 1,
  "PatientPosition": "HFS",
  "PercentPhaseFOV": 100,
  "PhaseEncodingDirection": "j",
  "PhaseEncodingSteps": 104,
  "PhaseResolution": 1,
  "PixelBandwidth": 2290,
  "ProcedureStepDescription": "video_friends",
  "ProtocolName": "func_task-friends-s01e14a",
  "PulseSequenceDetails": "%CustomerSeq%_cmrr_mbep2d_bold",
  "ReceiveCoilActiveElements": "HC1-7;NC1,2",
  "ReceiveCoilName": "HeadNeck_64",
  "ReconMatrixPE": 104,
  "RepetitionTime": 1.49,
  "SAR": 0.0310463,
  "ScanOptions": "FS",
  "ScanningSequence": "EP",
  "SequenceName": "epfid2d1_104",
  "SequenceVariant": "SK_SS",
  "SeriesDescription": "func_task-friends-s01e14a_SBRef",
  "SeriesNumber": 19,
  "ShimSetting": [624, -7217, -8816, 674, 21, -17, -24, 0],
  "SliceThickness": 2,
  "SliceTiming": [0, 0.0975, 0.195, 0.2925, 0.3925, 0.49, 0.5875, 0.685, 0.7825, 0.8825, 0.98, 1.0775, 1.175, 1.2725, 1.3725, 1.47, 1.5675, 1.665, 1.7625, 1.8625, 1.96, 2.0575, 2.155, 2.2525, 2.3525, 2.45, 2.5475, 2.645, 2.7425, 2.8425, 2.94, 3.0375, 3.135, 3.2325, 3.33, 3.43, 3.5275, 3.625, 3.7225, 3.82, 3.92, 4.0175, 4.115, 4.2125, 4.31, 4.41, 4.5075, 4.605, 4.7025, 4.8, 4.9, 4.9975, 5.095, 5.1925, 5.29, 5.39, 5.4875, 5.585, 5.6825, 5.78],
  "SoftwareVersions": "syngo_MR_E11",
  "SpacingBetweenSlices": 2,
  "StationName": "MRC35049",
  "TaskName": "friends",
  "TotalReadoutTime": 0.0576811,
  "TxRefAmp": 210.952,
  "WipMemBlock": "a175be62-fdf8-4e60-8f65-cf310fbb7c87||Sequence: R016 ve11c/master r/e634e98; Dec 19 2017 11:00:25 by eja",
  "dcmmeta_affine": [
    [-1.9992786645889282, 0.041878841817379, -0.03363320231437683, 102.22932434082031],
    [0.05038543418049812, 1.8961617946624756, -0.634059727191925, -80.97222137451172],
    [-0.01861015148460865, 0.6346783638000488, 1.8965328931808472, -67.71627044677734],
    [0.0, 0.0, 0.0, 1.0]
],
  "dcmmeta_reorient_transform": [
    [0.0, -1.0, 0.0, 103.0],
    [1.0, 0.0, 0.0, 0.0],
    [0.0, 0.0, 1.0, 0.0],
    [0.0, 0.0, 0.0, 1.0]
],
  "dcmmeta_shape": [104, 104, 60],
  "dcmmeta_slice_dim": 2,
  "dcmmeta_version": 0.6,
  "global": {
    "const": {
      "AcquisitionMatrix": [104, 0, 0, 104],
      "AcquisitionNumber": 1,
      "AcquisitionTime": "111203.500000",
      "AngioFlag": "N",
      "BitsAllocated": 16,
      "BitsStored": 16,
      "BodyPartExamined": "BRAIN",
      "Columns": 832,
      "ContentTime": "111310.718000",
      "EchoNumbers": 1,
      "EchoTime": 37.0,
      "EchoTrainLength": 104,
      "FlipAngle": 52.0,
      "HighBit": 15,
      "ImageOrientationPatient": [0.99963930624954, -0.0251927164129, -0.009305076071, 0.02093942057105, 0.94808089441117, -0.317339184972],
      "ImagePositionPatient": [-849.52415452809, -786.19503585663, 235.45262601786],
      "ImageType": [
        "ORIGINAL",
        "PRIMARY",
        "M",
        "ND",
        "MOSAIC"
],
      "ImagedNucleus": "1H",
      "ImagingFrequency": 123.259166,
      "InPlanePhaseEncodingDirection": "COL",
      "InstanceCreationTime": "111310.718000",
      "InstanceNumber": 1,
      "LargestImagePixelValue": 55968,
      "MRAcquisitionType": "2D",
      "MagneticFieldStrength": 3.0,
      "Manufacturer": "SIEMENS",
      "ManufacturerModelName": "Prisma_fit",
      "Modality": "MR",
      "NumberOfAverages": 1.0,
      "NumberOfPhaseEncodingSteps": 104,
      "PercentPhaseFieldOfView": 100.0,
      "PercentSampling": 100.0,
      "PerformedProcedureStepStartTime": "102824.790000",
      "PhotometricInterpretation": "MONOCHROME2",
      "PixelBandwidth": 2290.0,
      "PixelRepresentation": 0,
      "PixelSpacing": [2.0, 2.0],
      "ProtocolName": "func_task-friends-s01e14a",
      "RepetitionTime": 1490.0,
      "Rows": 832,
      "SAR": 0.0310463034646,
      "SamplesPerPixel": 1,
      "ScanOptions": "FS",
      "ScanningSequence": "EP",
      "SequenceName": "epfid2d1_104",
      "SequenceVariant": [
        "SK",
        "SS"
],
      "SeriesDescription": "func_task-friends-s01e14a_SBRef",
      "SeriesNumber": 19,
      "SeriesTime": "111310.714000",
      "SliceLocation": -40.261600968103,
      "SliceThickness": 2.0,
      "SmallestImagePixelValue": 0,
      "SoftwareVersions": "syngo MR E11",
      "SpacingBetweenSlices": 1.9999999771628,
      "SpecificCharacterSet": "ISO_IR 100",
      "StudyID": "1",
      "StudyTime": "102824.724000",
      "TransmitCoilName": "Body",
      "VariableFlipAngleFlag": "N",
      "WindowCenter": 11739.0,
      "WindowCenterWidthExplanation": "Algo1",
      "WindowWidth": 24889.0,
      "dBdt": 0.0},
    "slices": {}
  }
}