{
  "AcquisitionMatrixPE": 104,
  "AcquisitionNumber": 1,
  "AcquisitionTime": "18:03:55.285000",
  "BandwidthPerPixelPhaseEncode": 17.17,
  "BaseResolution": 104,
  "BodyPartExamined": "BRAIN",
  "CoilString": "HC1-7;NC1_2",
  "ConsistencyInfo": "N4_VE11C_LATEST_20160120",
  "ConversionSoftware": "dcm2niix",
  "ConversionSoftwareVersion": "v1.0.20190720  (JP2:OpenJPEG) GCC7.3.0",
  "DerivedVendorReportedEchoSpacing": 0.000560011,
  "DeviceSerialNumber": "167006",
  "DwellTime": 2.1e-06,
  "EchoTime": 0.037,
  "EchoTrainLength": 104,
  "EffectiveEchoSpacing": 0.000560011,
  "FlipAngle": 52,
  "ImageComments": "Unaliased_MB4_PE3_LB",
  "ImageOrientationPatientDICOM": [0.9992, -0.0317445, -0.0243325, 0.0209302, 0.933397, -0.358234],
  "ImageType": [
    "ORIGINAL",
    "PRIMARY",
    "M",
    "MB",
    "ND",
    "MOSAIC"
],
  "ImagingFrequency": 123.259,
  "InPlanePhaseEncodingDirectionDICOM": "COL",
  "InstitutionAddress": "Chemin_Queen-Mary_4565_Montreal_District_CA_H3W_1W5",
  "InstitutionName": "IUGM",
  "InstitutionalDepartmentName": "Department",
  "MRAcquisitionType": "2D",
  "MagneticFieldStrength": 3,
  "Manufacturer": "Siemens",
  "ManufacturersModelName": "Prisma_fit",
  "Modality": "MR",
  "MultibandAccelerationFactor": 4,
  "PartialFourier": 1,
  "PatientPosition": "HFS",
  "PercentPhaseFOV": 100,
  "PhaseEncodingDirection": "j",
  "PhaseEncodingSteps": 104,
  "PhaseResolution": 1,
  "PixelBandwidth": 2290,
  "ProcedureStepDescription": "video_friends",
  "ProtocolName": "func_task-friends-s01e01a",
  "PulseSequenceDetails": "%CustomerSeq%_cmrr_mbep2d_bold",
  "ReceiveCoilActiveElements": "HC1-7;NC1,2",
  "ReceiveCoilName": "HeadNeck_64",
  "ReconMatrixPE": 104,
  "RepetitionTime": 1.49,
  "SAR": 0.0362439,
  "ScanOptions": "FS",
  "ScanningSequence": "EP",
  "SequenceName": "epfid2d1_104",
  "SequenceVariant": "SK_SS",
  "SeriesDescription": "func_task-friends-s01e01a",
  "SeriesNumber": 9,
  "ShimSetting": [612, -7272, -8828, 427, 13, -359, 26, 27],
  "SliceThickness": 2,
  "SliceTiming": [0, 0.785, 0.1, 0.8825, 0.1975, 0.98, 0.295, 1.08, 0.3925, 1.1775, 0.49, 1.275, 0.59, 1.3725, 0.6875, 0, 0.785, 0.1, 0.8825, 0.1975, 0.98, 0.295, 1.08, 0.3925, 1.1775, 0.49, 1.275, 0.59, 1.3725, 0.6875, 0, 0.785, 0.1, 0.8825, 0.1975, 0.98, 0.295, 1.08, 0.3925, 1.1775, 0.49, 1.275, 0.59, 1.3725, 0.6875, 0, 0.785, 0.1, 0.8825, 0.1975, 0.98, 0.295, 1.08, 0.3925, 1.1775, 0.49, 1.275, 0.59, 1.3725, 0.6875],
  "SoftwareVersions": "syngo_MR_E11",
  "SpacingBetweenSlices": 2,
  "StationName": "MRC35049",
  "TaskName": "friends",
  "TotalReadoutTime": 0.0576811,
  "TxRefAmp": 237.741,
  "WipMemBlock": "2bb4fa8f-87ed-4fb5-87de-7d02a3e1ef4a||Sequence: R016 ve11c/master r/e634e98; Dec 19 2017 11:00:25 by eja",
  "dcmmeta_affine": [
    [-1.9983996152877808, 0.04186045005917549, -0.0681677833199501, 98.98249053955078],
    [0.06348900496959686, 1.866794228553772, -0.7148764729499817, -74.41323852539062],
    [-0.048665087670087814, 0.716468334197998, 1.8666292428970337, -57.859466552734375],
    [0.0, 0.0, 0.0, 1.0]
],
  "dcmmeta_reorient_transform": [
    [0.0, -1.0, 0.0, 103.0],
    [1.0, 0.0, 0.0, 0.0],
    [0.0, 0.0, 1.0, 0.0],
    [0.0, 0.0, 0.0, 1.0]
],
  "dcmmeta_shape": [104, 104, 60, 43],
  "dcmmeta_slice_dim": 2,
  "dcmmeta_version": 0.6,
  "global": {
    "const": {
      "AcquisitionMatrix": [104, 0, 0, 104],
      "AngioFlag": "N",
      "BitsAllocated": 16,
      "BitsStored": 16,
      "BodyPartExamined": "BRAIN",
      "Columns": 832,
      "EchoNumbers": 1,
      "EchoTime": 37.0,
      "EchoTrainLength": 104,
      "FlipAngle": 52.0,
      "HighBit": 15,
      "ImageOrientationPatient": [0.99919978681502, -0.0317445006714, -0.0243325441733, 0.02093022542686, 0.93339712817177, -0.3582341786936],
      "ImagePositionPatient": [-845.94876842514, -774.26968403254, 294.44534901184],
      "ImageType": [
        "ORIGINAL",
        "PRIMARY",
        "M",
        "MB",
        "ND",
        "MOSAIC"
],
      "ImagedNucleus": "1H",
      "ImagingFrequency": 123.259327,
      "InPlanePhaseEncodingDirection": "COL",
      "MRAcquisitionType": "2D",
      "MagneticFieldStrength": 3.0,
      "Manufacturer": "SIEMENS",
      "ManufacturerModelName": "Prisma_fit",
      "Modality": "MR",
      "NumberOfAverages": 1.0,
      "NumberOfPhaseEncodingSteps": 104,
      "PercentPhaseFieldOfView": 100.0,
      "PercentSampling": 100.0,
      "PerformedProcedureStepStartTime": "174355.880000",
      "PhotometricInterpretation": "MONOCHROME2",
      "PixelBandwidth": 2290.0,
      "PixelRepresentation": 0,
      "PixelSpacing": [2.0, 2.0],
      "ProtocolName": "func_task-friends-s01e01a",
      "RepetitionTime": 1490.0,
      "Rows": 832,
      "SAR": 0.03624391422132,
      "SamplesPerPixel": 1,
      "ScanOptions": "FS",
      "ScanningSequence": "EP",
      "SequenceName": "epfid2d1_104",
      "SequenceVariant": [
        "SK",
        "SS"
],
      "SeriesDescription": "func_task-friends-s01e01a",
      "SeriesNumber": 9,
      "SeriesTime": "180526.778000",
      "SliceLocation": -30.776659065223,
      "SliceThickness": 2.0,
      "SmallestImagePixelValue": 0,
      "SoftwareVersions": "syngo MR E11",
      "SpacingBetweenSlices": 1.9999999720018,
      "SpecificCharacterSet": "ISO_IR 100",
      "StudyID": "1",
      "StudyTime": "174355.812000",
      "TransmitCoilName": "Body",
      "VariableFlipAngleFlag": "N",
      "WindowCenterWidthExplanation": "Algo1",
      "dBdt": 0.0},
    "slices": {}
  },
  "time": {
    "samples": {
      "AcquisitionNumber": [1, 2, 3, 4, 5, 6, 7, 8, 9, 10, 11, 12, 13, 14, 15, 16, 17, 18, 19, 20, 21, 22, 23, 24, 25, 26, 27, 28, 29, 30, 31, 32, 33, 34, 35, 36, 37, 38, 39, 40, 41, 42, 43],
      "AcquisitionTime": ["180355.285000", "180356.775000", "180358.265000", "180359.755000", "180401.245000", "180402.735000", "180404.225000", "180405.715000", "180407.205000", "180408.695000", "180410.185000", "180411.675000", "180413.165000", "180414.655000", "180416.145000", "180417.635000", "180419.125000", "180420.615000", "180422.105000", "180423.595000", "180425.085000", "180426.575000", "180428.065000", "180429.555000", "180431.045000", "180432.535000", "180434.025000", "180435.515000", "180437.005000", "180438.495000", "180439.985000", "180441.475000", "180442.965000", "180444.455000", "180445.945000", "180447.435000", "180448.925000", "180450.415000", "180451.905000", "180453.395000", "180454.885000", "180456.375000", "180457.865000"],
      "ContentTime": ["180526.780000", "180526.784000", "180526.787000", "180526.790000", "180526.793000", "180526.796000", "180526.799000", "180526.802000", "180526.805000", "180526.808000", "180526.810000", "180526.813000", "180526.823000", "180526.826000", "180526.829000", "180526.831000", "180526.834000", "180526.837000", "180526.840000", "180526.843000", "180526.846000", "180526.849000", "180526.852000", "180526.855000", "180526.858000", "180526.861000", "180526.869000", "180526.872000", "180526.874000", "180526.877000", "180526.880000", "180526.883000", "180526.886000", "180526.889000", "180535.254000", "180535.257000", "180535.260000", "180535.263000", "180535.266000", "180535.269000", "180535.272000", "180535.274000", "180535.277000"],
      "InstanceCreationTime": ["180526.780000", "180526.784000", "180526.787000", "180526.790000", "180526.793000", "180526.796000", "180526.799000", "180526.802000", "180526.805000", "180526.808000", "180526.810000", "180526.813000", "180526.823000", "180526.826000", "180526.829000", "180526.831000", "180526.834000", "180526.837000", "180526.840000", "180526.843000", "180526.846000", "180526.849000", "180526.852000", "180526.855000", "180526.858000", "180526.861000", "180526.869000", "180526.872000", "180526.874000", "180526.877000", "180526.880000", "180526.883000", "180526.886000", "180526.889000", "180535.254000", "180535.257000", "180535.260000", "180535.263000", "180535.266000", "180535.269000", "180535.272000", "180535.274000", "180535.277000"],
      "InstanceNumber": [1, 2, 3, 4, 5, 6, 7, 8, 9, 10, 11, 12, 13, 14, 15, 16, 17, 18, 19, 20, 21, 22, 23, 24, 25, 26, 27, 28, 29, 30, 31, 32, 33, 34, 35, 36, 37, 38, 39, 40, 41, 42, 43],
      "LargestImagePixelValue": [56364, 54652, 54270, 55215, 55519, 54067, 54430, 54493, 54612, 55482, 56171, 55935, 55724, 56683, 56602, 56758, 57165, 57977, 58157, 57819, 57953, 57253, 57950, 56701, 57686, 53901, 56320, 57264, 57495, 57983, 58101, 58568, 59993, 59424, 59956, 60396, 59869, 60090, 61082, 60027, 59952, 60068, 59779],
      "WindowCenter": [10435.0, 10361.0, 10341.0, 10362.0, 10387.0, 10396.0, 10403.0, 10408.0, 10417.0, 10424.0, 10441.0, 10439.0, 10448.0, 10459.0, 10454.0, 10452.0, 10449.0, 10453.0, 10459.0, 10453.0, 10445.0, 10432.0, 10428.0, 10429.0, 10449.0, 10429.0, 10444.0, 10446.0, 10445.0, 10443.0, 10456.0, 10467.0, 10477.0, 10471.0, 10460.0, 10461.0, 10450.0, 10464.0, 10478.0, 10466.0, 10456.0, 10447.0, 10447.0],
      "WindowWidth": [22595.0, 22388.0, 22313.0, 22337.0, 22384.0, 22403.0, 22416.0, 22424.0, 22442.0, 22459.0, 22492.0, 22490.0, 22510.0, 22532.0, 22524.0, 22518.0, 22511.0, 22519.0, 22531.0, 22520.0, 22502.0, 22476.0, 22463.0, 22468.0, 22511.0, 22481.0, 22508.0, 22507.0, 22504.0, 22497.0, 22524.0, 22549.0, 22570.0, 22558.0, 22533.0, 22530.0, 22510.0, 22541.0, 22570.0, 22547.0, 22521.0, 22502.0, 22502.0]
    },
    "slices": {}
  }
}