{
  "AcquisitionMatrixPE": 104,
  "AcquisitionNumber": 1,
  "AcquisitionTime": "16:26:52.750000",
  "BandwidthPerPixelPhaseEncode": 17.17,
  "BaseResolution": 104,
  "BodyPartExamined": "BRAIN",
  "CoilCombinationMethod": "Sum of Squares",
  "ConsistencyInfo": "N4_VE11C_LATEST_20160120",
  "ConversionSoftware": "dcm2niix",
  "ConversionSoftwareVersion": "v1.0.20211006",
  "DerivedVendorReportedEchoSpacing": 0.000560011,
  "DeviceSerialNumber": "167006",
  "DwellTime": 2.1e-06,
  "EchoTime": 0.037,
  "EchoTrainLength": 104,
  "EffectiveEchoSpacing": 0.000560011,
  "FlipAngle": 52,
  "HeudiconvVersion": "0.11.3.post9+gc939bf8",
  "ImageComments": "Unaliased MB4/PE3/LB",
  "ImageOrientationPatientDICOM": [0.998199, -0.057987, -0.0153881, 0.0496933, 0.942859, -0.329465],
  "ImageOrientationText": "Tra>Cor(-19.2)>Sag(-1.9)",
  "ImageType": [
    "ORIGINAL",
    "PRIMARY",
    "M",
    "MB",
    "ND",
    "MOSAIC"
],
  "ImagingFrequency": 123.259,
  "InPlanePhaseEncodingDirectionDICOM": "COL",
  "InstitutionAddress": "Chemin Queen-Mary 4565,Montreal,District,CA,H3W 1W5",
  "InstitutionName": "IUGM",
  "InstitutionalDepartmentName": "Department",
  "MRAcquisitionType": "2D",
  "MagneticFieldStrength": 3,
  "Manufacturer": "Siemens",
  "ManufacturersModelName": "Prisma_fit",
  "MatrixCoilMode": "SENSE",
  "Modality": "MR",
  "MultibandAccelerationFactor": 4,
  "PartialFourier": 1,
  "PatientPosition": "HFS",
  "PercentPhaseFOV": 100,
  "PercentSampling": 100,
  "PhaseEncodingDirection": "j",
  "PhaseEncodingSteps": 104,
  "PhaseResolution": 1,
  "PixelBandwidth": 2290,
  "ProcedureStepDescription": "video^friends",
  "ProtocolName": "func_task-friends-s06e08a",
  "PulseSequenceDetails": "%CustomerSeq%\\cmrr_mbep2d_bold",
  "ReceiveCoilActiveElements": "HC1-7;NC1,2",
  "ReceiveCoilName": "HeadNeck_64",
  "ReconMatrixPE": 104,
  "RepetitionTime": 1.49,
  "SAR": 0.0298546,
  "ScanOptions": "FS",
  "ScanningSequence": "EP",
  "SequenceName": "epfid2d1_104",
  "SequenceVariant": "SK\\SS",
  "SeriesDescription": "func_task-friends-s06e08a",
  "SeriesNumber": 17,
  "ShimSetting": [621, -7259, -8799, 593, -8, -207, -30, -13],
  "SliceThickness": 2,
  "SliceTiming": [0, 0.785, 0.0975, 0.8825, 0.195, 0.98, 0.295, 1.0775, 0.3925, 1.175, 0.49, 1.2725, 0.5875, 1.3725, 0.685, 0, 0.785, 0.0975, 0.8825, 0.195, 0.98, 0.295, 1.0775, 0.3925, 1.175, 0.49, 1.2725, 0.5875, 1.3725, 0.685, 0, 0.785, 0.0975, 0.8825, 0.195, 0.98, 0.295, 1.0775, 0.3925, 1.175, 0.49, 1.2725, 0.5875, 1.3725, 0.685, 0, 0.785, 0.0975, 0.8825, 0.195, 0.98, 0.295, 1.0775, 0.3925, 1.175, 0.49, 1.2725, 0.5875, 1.3725, 0.685],
  "SoftwareVersions": "syngo MR E11",
  "SpacingBetweenSlices": 2,
  "StationName": "MRC35049",
  "TaskName": "s06e08a",
  "TotalReadoutTime": 0.0576811,
  "TxRefAmp": 217.449,
  "WipMemBlock": "8835d603-0374-4e87-a18e-d26a7fe89fc0||Sequence: R016 ve11c/master r/e634e98; Dec 19 2017 11:00:25 by eja",
  "dcmmeta_affine": [
    [-1.9963974952697754, 0.09938652813434601, -0.0672270655632019, 98.56917572021484],
    [0.115974061191082, 1.8857182264328003, -0.6562138795852661, -80.00045776367188],
    [-0.030776245519518852, 0.6589301228523254, 1.8880847692489624, -59.050838470458984],
    [0.0, 0.0, 0.0, 1.0]
],
  "dcmmeta_reorient_transform": [
    [0.0, -1.0, 0.0, 103.0],
    [1.0, 0.0, 0.0, 0.0],
    [0.0, 0.0, 1.0, 0.0],
    [0.0, 0.0, 0.0, 1.0]
],
  "dcmmeta_shape": [104, 104, 60, 23],
  "dcmmeta_slice_dim": 2,
  "dcmmeta_version": 0.6,
  "global": {
    "const": {
      "AcquisitionMatrix": [104, 0, 0, 104],
      "AngioFlag": "N",
      "BitsAllocated": 16,
      "BitsStored": 16,
      "BodyPartExamined": "BRAIN",
      "Columns": 832,
      "EchoNumbers": 1,
      "EchoTime": 37.0,
      "EchoTrainLength": 104,
      "FlipAngle": 52.0,
      "HighBit": 15,
      "ImageOrientationPatient": [0.9981987327057, -0.0579870305354, -0.0153881225114, 0.0496932632805, 0.94285913314436, -0.3294650734612],
      "ImagePositionPatient": [-871.67135878669, -758.41541737356, 259.87209221877],
      "ImageType": [
        "ORIGINAL",
        "PRIMARY",
        "M",
        "MB",
        "ND",
        "MOSAIC"
],
      "ImagedNucleus": "1H",
      "ImagingFrequency": 123.258788,
      "InPlanePhaseEncodingDirection": "COL",
      "MRAcquisitionType": "2D",
      "MagneticFieldStrength": 3.0,
      "Manufacturer": "SIEMENS",
      "ManufacturerModelName": "Prisma_fit",
      "Modality": "MR",
      "NumberOfAverages": 1.0,
      "NumberOfPhaseEncodingSteps": 104,
      "PercentPhaseFieldOfView": 100.0,
      "PercentSampling": 100.0,
      "PerformedProcedureStepStartTime": "150205.294000",
      "PhotometricInterpretation": "MONOCHROME2",
      "PixelBandwidth": 2290.0,
      "PixelRepresentation": 0,
      "PixelSpacing": [2.0, 2.0],
      "ProtocolName": "func_task-friends-s06e08a",
      "RepetitionTime": 1490.0,
      "Rows": 832,
      "SAR": 0.0298545635417,
      "SamplesPerPixel": 1,
      "ScanOptions": "FS",
      "ScanningSequence": "EP",
      "SequenceName": "epfid2d1_104",
      "SequenceVariant": [
        "SK",
        "SS"
],
      "SeriesDescription": "func_task-friends-s06e08a",
      "SeriesNumber": 17,
      "SeriesTime": "162807.239000",
      "SliceLocation": -32.811048106431,
      "SliceThickness": 2.0,
      "SmallestImagePixelValue": 0,
      "SoftwareVersions": "syngo MR E11",
      "SpacingBetweenSlices": 2.0000000376104,
      "SpecificCharacterSet": "ISO_IR 100",
      "StudyID": "1",
      "StudyTime": "150205.132000",
      "TransmitCoilName": "Body",
      "VariableFlipAngleFlag": "N",
      "WindowCenterWidthExplanation": "Algo1",
      "dBdt": 0.0},
    "slices": {}
  },
  "time": {
    "samples": {
      "AcquisitionNumber": [1, 2, 3, 4, 5, 6, 7, 8, 9, 10, 11, 12, 13, 14, 15, 16, 17, 18, 19, 20, 21, 22, 23],
      "AcquisitionTime": ["162652.750000", "162654.240000", "162655.730000", "162657.220000", "162658.710000", "162700.200000", "162701.690000", "162703.180000", "162704.670000", "162706.160000", "162707.650000", "162709.140000", "162710.630000", "162712.120000", "162713.610000", "162715.100000", "162716.590000", "162718.080000", "162719.570000", "162721.060000", "162722.550000", "162724.040000", "162725.530000"],
      "ContentTime": ["162807.244000", "162807.247000", "162807.250000", "162807.253000", "162807.256000", "162807.259000", "162807.262000", "162807.265000", "162807.268000", "162807.271000", "162807.274000", "162807.277000", "162807.280000", "162807.283000", "162807.286000", "162807.298000", "162807.301000", "162807.304000", "162807.307000", "162807.310000", "162807.313000", "162807.316000", "162807.491000"],
      "InstanceCreationTime": ["162807.244000", "162807.247000", "162807.250000", "162807.253000", "162807.256000", "162807.259000", "162807.262000", "162807.265000", "162807.268000", "162807.271000", "162807.274000", "162807.277000", "162807.280000", "162807.283000", "162807.286000", "162807.298000", "162807.301000", "162807.304000", "162807.307000", "162807.310000", "162807.313000", "162807.316000", "162807.491000"],
      "InstanceNumber": [1, 2, 3, 4, 5, 6, 7, 8, 9, 10, 11, 12, 13, 14, 15, 16, 17, 18, 19, 20, 21, 22, 23],
      "LargestImagePixelValue": [27972, 27410, 26780, 25743, 26210, 25627, 26205, 26176, 26246, 26000, 26111, 25893, 26604, 26250, 25487, 25488, 25949, 25962, 26038, 25676, 25751, 25692, 25801],
      "WindowCenter": [7484.0, 7453.0, 7439.0, 7413.0, 7407.0, 7397.0, 7412.0, 7411.0, 7390.0, 7370.0, 7377.0, 7379.0, 7406.0, 7410.0, 7416.0, 7407.0, 7406.0, 7406.0, 7385.0, 7353.0, 7341.0, 7331.0, 7357.0],
      "WindowWidth": [16193.0, 16099.0, 16054.0, 16006.0, 15980.0, 15958.0, 15976.0, 15970.0, 15930.0, 15894.0, 15903.0, 15909.0, 15953.0, 15970.0, 15992.0, 15975.0, 15968.0, 15969.0, 15927.0, 15867.0, 15842.0, 15824.0, 15864.0]
    },
    "slices": {}
  }
}