{
  "AcquisitionMatrixPE": 104,
  "AcquisitionNumber": 1,
  "AcquisitionTime": "16:05:30.677500",
  "BandwidthPerPixelPhaseEncode": 17.17,
  "BaseResolution": 104,
  "BodyPartExamined": "BRAIN",
  "CoilCombinationMethod": "Sum of Squares",
  "ConsistencyInfo": "N4_VE11C_LATEST_20160120",
  "ConversionSoftware": "dcm2niix",
  "ConversionSoftwareVersion": "v1.0.20211006",
  "DerivedVendorReportedEchoSpacing": 0.000560011,
  "DeviceSerialNumber": "167006",
  "DwellTime": 2.1e-06,
  "EchoTime": 0.037,
  "EchoTrainLength": 104,
  "EffectiveEchoSpacing": 0.000560011,
  "FlipAngle": 52,
  "HeudiconvVersion": "0.11.3.post9+gc939bf8",
  "ImageComments": "Unaliased MB4/PE3/LB",
  "ImageOrientationPatientDICOM": [0.998199, -0.057987, -0.0153881, 0.0496933, 0.942859, -0.329465],
  "ImageOrientationText": "Tra>Cor(-19.2)>Sag(-1.9)",
  "ImageType": [
    "ORIGINAL",
    "PRIMARY",
    "M",
    "MB",
    "ND",
    "MOSAIC"
],
  "ImagingFrequency": 123.259,
  "InPlanePhaseEncodingDirectionDICOM": "COL",
  "InstitutionAddress": "Chemin Queen-Mary 4565,Montreal,District,CA,H3W 1W5",
  "InstitutionName": "IUGM",
  "InstitutionalDepartmentName": "Department",
  "MRAcquisitionType": "2D",
  "MagneticFieldStrength": 3,
  "Manufacturer": "Siemens",
  "ManufacturersModelName": "Prisma_fit",
  "MatrixCoilMode": "SENSE",
  "Modality": "MR",
  "MultibandAccelerationFactor": 4,
  "PartialFourier": 1,
  "PatientPosition": "HFS",
  "PercentPhaseFOV": 100,
  "PercentSampling": 100,
  "PhaseEncodingDirection": "j",
  "PhaseEncodingSteps": 104,
  "PhaseResolution": 1,
  "PixelBandwidth": 2290,
  "ProcedureStepDescription": "video^friends",
  "ProtocolName": "func_task-friends-s06e07b",
  "PulseSequenceDetails": "%CustomerSeq%\\cmrr_mbep2d_bold",
  "ReceiveCoilActiveElements": "HC1-7;NC1,2",
  "ReceiveCoilName": "HeadNeck_64",
  "ReconMatrixPE": 104,
  "RepetitionTime": 1.49,
  "SAR": 0.0298661,
  "ScanOptions": "FS",
  "ScanningSequence": "EP",
  "SequenceName": "epfid2d1_104",
  "SequenceVariant": "SK\\SS",
  "SeriesDescription": "func_task-friends-s06e07b",
  "SeriesNumber": 11,
  "ShimSetting": [621, -7259, -8799, 593, -8, -207, -30, -13],
  "SliceThickness": 2,
  "SliceTiming": [0, 0.785, 0.0975, 0.8825, 0.1975, 0.98, 0.295, 1.0775, 0.3925, 1.1775, 0.49, 1.275, 0.5875, 1.3725, 0.6875, 0, 0.785, 0.0975, 0.8825, 0.1975, 0.98, 0.295, 1.0775, 0.3925, 1.1775, 0.49, 1.275, 0.5875, 1.3725, 0.6875, 0, 0.785, 0.0975, 0.8825, 0.1975, 0.98, 0.295, 1.0775, 0.3925, 1.1775, 0.49, 1.275, 0.5875, 1.3725, 0.6875, 0, 0.785, 0.0975, 0.8825, 0.1975, 0.98, 0.295, 1.0775, 0.3925, 1.1775, 0.49, 1.275, 0.5875, 1.3725, 0.6875],
  "SoftwareVersions": "syngo MR E11",
  "SpacingBetweenSlices": 2,
  "StationName": "MRC35049",
  "TaskName": "s06e07b",
  "TotalReadoutTime": 0.0576811,
  "TxRefAmp": 217.449,
  "WipMemBlock": "564232d8-08c7-4428-a95b-43de4874c89f||Sequence: R016 ve11c/master r/e634e98; Dec 19 2017 11:00:25 by eja",
  "dcmmeta_affine": [
    [-1.9963974952697754, 0.09938652813434601, -0.0672270655632019, 98.56917572021484],
    [0.115974061191082, 1.8857182264328003, -0.6562138795852661, -80.00045776367188],
    [-0.030776245519518852, 0.6589301228523254, 1.8880847692489624, -59.050838470458984],
    [0.0, 0.0, 0.0, 1.0]
],
  "dcmmeta_reorient_transform": [
    [0.0, -1.0, 0.0, 103.0],
    [1.0, 0.0, 0.0, 0.0],
    [0.0, 0.0, 1.0, 0.0],
    [0.0, 0.0, 0.0, 1.0]
],
  "dcmmeta_shape": [104, 104, 60, 36],
  "dcmmeta_slice_dim": 2,
  "dcmmeta_version": 0.6,
  "global": {
    "const": {
      "AcquisitionMatrix": [104, 0, 0, 104],
      "AngioFlag": "N",
      "BitsAllocated": 16,
      "BitsStored": 16,
      "BodyPartExamined": "BRAIN",
      "Columns": 832,
      "EchoNumbers": 1,
      "EchoTime": 37.0,
      "EchoTrainLength": 104,
      "FlipAngle": 52.0,
      "HighBit": 15,
      "ImageOrientationPatient": [0.9981987327057, -0.0579870305354, -0.0153881225114, 0.0496932632805, 0.94285913314436, -0.3294650734612],
      "ImagePositionPatient": [-871.67135878669, -758.41541737356, 259.87209221877],
      "ImageType": [
        "ORIGINAL",
        "PRIMARY",
        "M",
        "MB",
        "ND",
        "MOSAIC"
],
      "ImagedNucleus": "1H",
      "ImagingFrequency": 123.258783,
      "InPlanePhaseEncodingDirection": "COL",
      "MRAcquisitionType": "2D",
      "MagneticFieldStrength": 3.0,
      "Manufacturer": "SIEMENS",
      "ManufacturerModelName": "Prisma_fit",
      "Modality": "MR",
      "NumberOfAverages": 1.0,
      "NumberOfPhaseEncodingSteps": 104,
      "PercentPhaseFieldOfView": 100.0,
      "PercentSampling": 100.0,
      "PerformedProcedureStepStartTime": "150205.294000",
      "PhotometricInterpretation": "MONOCHROME2",
      "PixelBandwidth": 2290.0,
      "PixelRepresentation": 0,
      "PixelSpacing": [2.0, 2.0],
      "ProtocolName": "func_task-friends-s06e07b",
      "RepetitionTime": 1490.0,
      "Rows": 832,
      "SAR": 0.02986608510016,
      "SamplesPerPixel": 1,
      "ScanOptions": "FS",
      "ScanningSequence": "EP",
      "SequenceName": "epfid2d1_104",
      "SequenceVariant": [
        "SK",
        "SS"
],
      "SeriesDescription": "func_task-friends-s06e07b",
      "SeriesNumber": 11,
      "SeriesTime": "160647.235000",
      "SliceLocation": -32.811048106431,
      "SliceThickness": 2.0,
      "SmallestImagePixelValue": 0,
      "SoftwareVersions": "syngo MR E11",
      "SpacingBetweenSlices": 2.0000000376104,
      "SpecificCharacterSet": "ISO_IR 100",
      "StudyID": "1",
      "StudyTime": "150205.132000",
      "TransmitCoilName": "Body",
      "VariableFlipAngleFlag": "N",
      "WindowCenterWidthExplanation": "Algo1",
      "dBdt": 0.0},
    "slices": {}
  },
  "time": {
    "samples": {
      "AcquisitionNumber": [1, 2, 3, 4, 5, 6, 7, 8, 9, 10, 11, 12, 13, 14, 15, 16, 17, 18, 19, 20, 21, 22, 23, 24, 25, 26, 27, 28, 29, 30, 31, 32, 33, 34, 35, 36],
      "AcquisitionTime": ["160530.677500", "160532.167500", "160533.657500", "160535.147500", "160536.637500", "160538.127500", "160539.617500", "160541.107500", "160542.597500", "160544.087500", "160545.577500", "160547.067500", "160548.557500", "160550.047500", "160551.537500", "160553.027500", "160554.517500", "160556.007500", "160557.497500", "160558.987500", "160600.477500", "160601.967500", "160603.457500", "160604.947500", "160606.437500", "160607.927500", "160609.417500", "160610.907500", "160612.397500", "160613.887500", "160615.377500", "160616.867500", "160618.357500", "160619.847500", "160621.337500", "160622.827500"],
      "ContentTime": ["160647.239000", "160647.243000", "160647.246000", "160647.249000", "160647.251000", "160647.254000", "160647.263000", "160647.266000", "160647.272000", "160647.275000", "160647.278000", "160647.281000", "160647.284000", "160647.287000", "160647.290000", "160647.292000", "160647.295000", "160647.298000", "160647.301000", "160647.304000", "160647.307000", "160702.309000", "160702.312000", "160702.315000", "160702.318000", "160702.321000", "160702.324000", "160702.327000", "160702.329000", "160702.332000", "160702.335000", "160702.338000", "160702.341000", "160702.344000", "160702.347000", "160702.350000"],
      "InstanceCreationTime": ["160647.239000", "160647.243000", "160647.246000", "160647.249000", "160647.251000", "160647.254000", "160647.263000", "160647.266000", "160647.272000", "160647.275000", "160647.278000", "160647.281000", "160647.284000", "160647.287000", "160647.290000", "160647.292000", "160647.295000", "160647.298000", "160647.301000", "160647.304000", "160647.307000", "160702.309000", "160702.312000", "160702.315000", "160702.318000", "160702.321000", "160702.324000", "160702.327000", "160702.329000", "160702.332000", "160702.335000", "160702.338000", "160702.341000", "160702.344000", "160702.347000", "160702.350000"],
      "InstanceNumber": [1, 2, 3, 4, 5, 6, 7, 8, 9, 10, 11, 12, 13, 14, 15, 16, 17, 18, 19, 20, 21, 22, 23, 24, 25, 26, 27, 28, 29, 30, 31, 32, 33, 34, 35, 36],
      "LargestImagePixelValue": [29039, 27929, 27453, 27261, 26902, 26768, 25488, 25952, 26316, 25215, 26482, 26554, 26597, 26230, 26557, 26053, 26813, 27200, 27059, 26460, 26296, 25367, 26079, 25944, 26509, 26654, 27103, 26496, 25602, 25704, 26524, 26258, 26072, 25992, 26210, 26441],
      "WindowCenter": [7590.0, 7545.0, 7528.0, 7516.0, 7507.0, 7506.0, 7491.0, 7508.0, 7517.0, 7501.0, 7517.0, 7515.0, 7503.0, 7497.0, 7504.0, 7506.0, 7515.0, 7500.0, 7499.0, 7495.0, 7486.0, 7466.0, 7476.0, 7474.0, 7472.0, 7508.0, 7458.0, 7469.0, 7464.0, 7465.0, 7460.0, 7439.0, 7438.0, 7438.0, 7447.0, 7467.0],
      "WindowWidth": [16409.0, 16294.0, 16240.0, 16207.0, 16185.0, 16179.0, 16153.0, 16181.0, 16197.0, 16183.0, 16201.0, 16193.0, 16168.0, 16156.0, 16161.0, 16173.0, 16189.0, 16158.0, 16154.0, 16156.0, 16135.0, 16102.0, 16120.0, 16112.0, 16106.0, 16194.0, 16087.0, 16100.0, 16096.0, 16099.0, 16081.0, 16043.0, 16038.0, 16039.0, 16051.0, 16089.0]
    },
    "slices": {}
  }
}